##TITLE=Parameter List
##JCAMPDX=4.24
##DATATYPE=Parameter Values
##ORIGIN=Bruker BioSpin MRI GmbH
##OWNER=gabriela
$$ Sat Apr 22 11:09:13 2017 MST (UT-7h)  gabriela
$$ /opt/PV51/data/gabriela/nmr/GFC_invivo_bGUS_mBG_MP422.H71/3/pdata/1/visu_pars
##$VisuVersion=1
##$VisuUid=( 65 )
<2.16.756.5.5.100.4167689927.20267.1492884553.266>
##$VisuCreator=( 65 )
<ParaVision>
##$VisuCreatorVersion=( 65 )
<5.1>
##$VisuCreationDate=( 21 )
<10:44:29 22 Apr 2017>
$$ @vis= VisuVersion VisuUid VisuCreator VisuCreatorVersion VisuCreationDate
##$VisuCoreFrameCount=264
##$VisuCoreDim=2
##$VisuCoreSize=( 2 )
96 96
##$VisuCoreDimDesc=( 2 )
spatial spatial
$$ @vis= VisuInstance VisuCoreFrameCount VisuCoreDim VisuCoreSize
##$VisuCoreExtent=( 2 )
48 48
##$VisuCoreFrameThickness=( 1 )
2
##$VisuCoreUnits=( 2, 65 )
<mm> <mm>
##$VisuCoreOrientation=( 1, 9 )
1 0 0 0 1 0 0 0 1
$$ @vis= VisuCoreDimDesc VisuCoreExtent VisuCoreFrameThickness VisuCoreUnits
##$VisuCorePosition=( 1, 3 )
-24 -24 5
##$VisuCoreDataMin=( 264 )
0 0 0 0 0 0 0 0 0 0 0 0 0 0 0 0 0 0 0 0 0 0 0 0 0 0 0 0 0 0 0 0 0 0 0 0 0 0 0 
0 0 0 0 0 0 0 0 0 0 0 0 0 0 0 0 0 0 0 0 0 0 0 0 0 0 0 0 0 0 0 0 0 0 0 0 0 0 0 
0 0 0 0 0 0 0 0 0 0 0 0 0 0 0 0 0 0 0 0 0 0 0 0 0 0 0 0 0 0 0 0 0 0 0 0 0 0 0 
0 0 0 0 0 0 0 0 0 0 0 0 0 0 0 0 0 0 0 0 0 0 0 0 0 0 0 0 0 0 0 0 0 0 0 0 0 0 0 
0 0 0 0 0 0 0 0 0 0 0 0 0 0 0 0 0 0 0 0 0 0 0 0 0 0 0 0 0 0 0 0 0 0 0 0 0 0 0 
0 0 0 0 0 0 0 0 0 0 0 0 0 0 0 0 0 0 0 0 0 0 0 0 0 0 0 0 0 0 0 0 0 0 0 0 0 0 0 
0 0 0 0 0 0 0 0 0 0 0 0 0 0 0 0 0 0 0 0 0 0 0 0 0 0 0 0 0 0
##$VisuCoreDataMax=( 264 )
32767 25123 25564 25637 24789 25734 25129 25392 24983 24811 24295 23088 22612 
23342 24575 24369 24418 24501 24625 24750 24360 24551 23123 22173 21682 21746 
21574 22174 21438 21040 19502 17304 13092 10311 10912 12331 16697 20349 22050 
23004 23706 24419 24472 25465 24307 25395 24971 24953 25129 25077 25080 24751 
25069 24039 23067 22399 21923 23179 23792 24685 25022 24523 24097 24161 23859 
23767 22605 21950 21555 20589 21460 21722 21390 21769 19747 17214 13130 11105 
10597 12221 16733 19819 21741 22902 24101 25036 24900 25078 25116 24802 25223 
25377 24636 24039 24680 24549 24395 24381 23363 21849 21637 22776 24536 23407 
24747 24091 24293 24437 23799 23017 23041 21838 21018 21158 20857 21032 21791 
20524 19863 17165 12341 10955 10488 12615 16858 19325 20887 22947 23492 24469 
24924 24470 24729 24742 25396 24479 24194 24468 25294 24390 23648 23541 22824 
22060 22429 22856 23639 24082 24379 24178 24071 24232 23958 23705 22944 21695 
20894 21428 20783 21633 22058 20794 18874 16734 12587 11483 10857 12057 16091 
19434 21328 21887 23627 24405 24523 25364 25804 24701 25211 24927 25241 25520 
24917 24915 24872 25211 23938 23079 24032 23957 24607 24816 25259 25560 26194 
24898 24962 25934 24529 23597 21857 22561 22945 23713 22669 22757 20488 17970 
12943 11014 10763 13349 17193 21060 24014 24613 27173 26881 27939 28150 27727 
28952 28010 27370 27754 27968 27348 27347 27532 28113 26657 25526 24510 25733 
26943 27272 26545 27133 27213 26722 27816 27167 25645 24268 23591 23958 23924 
23746 24120 22875 20970 18258 13448 11146 11367 13557 18012 21207 24521 24705 
26040 26972 26926 28107
##$VisuCoreDataOffs=( 264 )
0 0 0 0 0 0 0 0 0 0 0 0 0 0 0 0 0 0 0 0 0 0 0 0 0 0 0 0 0 0 0 0 0 0 0 0 0 0 0 
0 0 0 0 0 0 0 0 0 0 0 0 0 0 0 0 0 0 0 0 0 0 0 0 0 0 0 0 0 0 0 0 0 0 0 0 0 0 0 
0 0 0 0 0 0 0 0 0 0 0 0 0 0 0 0 0 0 0 0 0 0 0 0 0 0 0 0 0 0 0 0 0 0 0 0 0 0 0 
0 0 0 0 0 0 0 0 0 0 0 0 0 0 0 0 0 0 0 0 0 0 0 0 0 0 0 0 0 0 0 0 0 0 0 0 0 0 0 
0 0 0 0 0 0 0 0 0 0 0 0 0 0 0 0 0 0 0 0 0 0 0 0 0 0 0 0 0 0 0 0 0 0 0 0 0 0 0 
0 0 0 0 0 0 0 0 0 0 0 0 0 0 0 0 0 0 0 0 0 0 0 0 0 0 0 0 0 0 0 0 0 0 0 0 0 0 0 
0 0 0 0 0 0 0 0 0 0 0 0 0 0 0 0 0 0 0 0 0 0 0 0 0 0 0 0 0 0
$$ @vis= VisuCoreOrientation VisuCorePosition VisuCoreDataMin VisuCoreDataMax
##$VisuCoreDataSlope=( 264 )
50.1639749138505 50.1639749138505 50.1639749138505 50.1639749138505 
50.1639749138505 50.1639749138505 50.1639749138505 50.1639749138505 
50.1639749138505 50.1639749138505 50.1639749138505 50.1639749138505 
50.1639749138505 50.1639749138505 50.1639749138505 50.1639749138505 
50.1639749138505 50.1639749138505 50.1639749138505 50.1639749138505 
50.1639749138505 50.1639749138505 50.1639749138505 50.1639749138505 
50.1639749138505 50.1639749138505 50.1639749138505 50.1639749138505 
50.1639749138505 50.1639749138505 50.1639749138505 50.1639749138505 
50.1639749138505 50.1639749138505 50.1639749138505 50.1639749138505 
50.1639749138505 50.1639749138505 50.1639749138505 50.1639749138505 
50.1639749138505 50.1639749138505 50.1639749138505 50.1639749138505 
50.1639749138505 50.1639749138505 50.1639749138505 50.1639749138505 
50.1639749138505 50.1639749138505 50.1639749138505 50.1639749138505 
50.1639749138505 50.1639749138505 50.1639749138505 50.1639749138505 
50.1639749138505 50.1639749138505 50.1639749138505 50.1639749138505 
50.1639749138505 50.1639749138505 50.1639749138505 50.1639749138505 
50.1639749138505 50.1639749138505 50.1639749138505 50.1639749138505 
50.1639749138505 50.1639749138505 50.1639749138505 50.1639749138505 
50.1639749138505 50.1639749138505 50.1639749138505 50.1639749138505 
50.1639749138505 50.1639749138505 50.1639749138505 50.1639749138505 
50.1639749138505 50.1639749138505 50.1639749138505 50.1639749138505 
50.1639749138505 50.1639749138505 50.1639749138505 50.1639749138505 
50.1639749138505 50.1639749138505 50.1639749138505 50.1639749138505 
50.1639749138505 50.1639749138505 50.1639749138505 50.1639749138505 
50.1639749138505 50.1639749138505 50.1639749138505 50.1639749138505 
50.1639749138505 50.1639749138505 50.1639749138505 50.1639749138505 
50.1639749138505 50.1639749138505 50.1639749138505 50.1639749138505 
50.1639749138505 50.1639749138505 50.1639749138505 50.1639749138505 
50.1639749138505 50.1639749138505 50.1639749138505 50.1639749138505 
50.1639749138505 50.1639749138505 50.1639749138505 50.1639749138505 
50.1639749138505 50.1639749138505 50.1639749138505 50.1639749138505 
50.1639749138505 50.1639749138505 50.1639749138505 50.1639749138505 
50.1639749138505 50.1639749138505 50.1639749138505 50.1639749138505 
50.1639749138505 50.1639749138505 50.1639749138505 50.1639749138505 
50.1639749138505 50.1639749138505 50.1639749138505 50.1639749138505 
50.1639749138505 50.1639749138505 50.1639749138505 50.1639749138505 
50.1639749138505 50.1639749138505 50.1639749138505 50.1639749138505 
50.1639749138505 50.1639749138505 50.1639749138505 50.1639749138505 
50.1639749138505 50.1639749138505 50.1639749138505 50.1639749138505 
50.1639749138505 50.1639749138505 50.1639749138505 50.1639749138505 
50.1639749138505 50.1639749138505 50.1639749138505 50.1639749138505 
50.1639749138505 50.1639749138505 50.1639749138505 50.1639749138505 
50.1639749138505 50.1639749138505 50.1639749138505 50.1639749138505 
50.1639749138505 50.1639749138505 50.1639749138505 50.1639749138505 
50.1639749138505 50.1639749138505 50.1639749138505 50.1639749138505 
50.1639749138505 50.1639749138505 50.1639749138505 50.1639749138505 
50.1639749138505 50.1639749138505 50.1639749138505 50.1639749138505 
50.1639749138505 50.1639749138505 50.1639749138505 50.1639749138505 
50.1639749138505 50.1639749138505 50.1639749138505 50.1639749138505 
50.1639749138505 50.1639749138505 50.1639749138505 50.1639749138505 
50.1639749138505 50.1639749138505 50.1639749138505 50.1639749138505 
50.1639749138505 50.1639749138505 50.1639749138505 50.1639749138505 
50.1639749138505 50.1639749138505 50.1639749138505 50.1639749138505 
50.1639749138505 50.1639749138505 50.1639749138505 50.1639749138505 
50.1639749138505 50.1639749138505 50.1639749138505 50.1639749138505 
50.1639749138505 50.1639749138505 50.1639749138505 50.1639749138505 
50.1639749138505 50.1639749138505 50.1639749138505 50.1639749138505 
50.1639749138505 50.1639749138505 50.1639749138505 50.1639749138505 
50.1639749138505 50.1639749138505 50.1639749138505 50.1639749138505 
50.1639749138505 50.1639749138505 50.1639749138505 50.1639749138505 
50.1639749138505 50.1639749138505 50.1639749138505 50.1639749138505 
50.1639749138505 50.1639749138505 50.1639749138505 50.1639749138505 
50.1639749138505 50.1639749138505 50.1639749138505 50.1639749138505 
50.1639749138505 50.1639749138505 50.1639749138505 50.1639749138505 
50.1639749138505 50.1639749138505 50.1639749138505 50.1639749138505 
50.1639749138505 50.1639749138505 50.1639749138505 50.1639749138505
##$VisuCoreFrameType=MAGNITUDE_IMAGE
##$VisuFGElemComment=( 44, 65 )
<VCEST=  4800.0Hz> <VCEST=  4260.0Hz> <VCEST=  4140.0Hz> <VCEST=  4020.0Hz> <
VCEST=  3900.0Hz> <VCEST=  3780.0Hz> <VCEST=  3660.0Hz> <VCEST=  3540.0Hz> <
VCEST=  3420.0Hz> <VCEST=  3300.0Hz> <VCEST=  3180.0Hz> <VCEST=  3060.0Hz> <
VCEST=  2940.0Hz> <VCEST=  2820.0Hz> <VCEST=  2700.0Hz> <VCEST=  2580.0Hz> <
VCEST=  2460.0Hz> <VCEST=  2340.0Hz> <VCEST=  2220.0Hz> <VCEST=  2100.0Hz> <
VCEST=  1980.0Hz> <VCEST=  1860.0Hz> <VCEST=  1740.0Hz> <VCEST=  1620.0Hz> <
VCEST=  1500.0Hz> <VCEST=  1380.0Hz> <VCEST=  1260.0Hz> <VCEST=  1140.0Hz> <
VCEST=  1020.0Hz> <VCEST=   900.0Hz> <VCEST=   750.0Hz> <VCEST=   600.0Hz> <
VCEST=   450.0Hz> <VCEST=   300.0Hz> <VCEST=   150.0Hz> <VCEST=     0.0Hz> <
VCEST=  -150.0Hz> <VCEST=  -300.0Hz> <VCEST=  -450.0Hz> <VCEST=  -600.0Hz> <
VCEST=  -900.0Hz> <VCEST= -1800.0Hz> <VCEST= -2700.0Hz> <VCEST= -3600.0Hz>
$$ @vis= VisuCoreDataOffs VisuCoreDataSlope VisuCoreFrameType
##$VisuCoreWordType=_16BIT_SGN_INT
##$VisuCoreByteOrder=littleEndian
$$ @vis= VisuFGElemComment VisuCore VisuCoreWordType VisuCoreByteOrder
##$VisuFGOrderDescDim=2
##$VisuFGOrderDesc=( 2 )
(44, <FG_MOVIE>, <>, 0, 1) (6, <FG_CYCLE>, <>, 1, 0)
##$VisuGroupDepVals=( 2 )
(<VisuFGElemComment>, 0) (<>, 0)
$$ @vis= VisuPixel VisuFGOrderDescDim VisuFGOrderDesc VisuGroupDepVals
##$VisuSubjectName=( 65 )
<GFC_invivo_bGUS_mBG_MP422>
##$VisuSubjectId=( 65 )
<GFC_invivo_bGUS_mBG_MP422>
##$VisuSubjectBirthDate=( 9 )
<>
##$VisuSubjectSex=FEMALE
$$ @vis= VisuFrameOrderDesc VisuSubjectName VisuSubjectId VisuSubjectBirthDate
##$VisuSubjectComment=( 2048 )
<>
##$VisuStudyUid=( 65 )
<2.16.756.5.5.100.4167689927.19722.1492881415.3011>
##$VisuStudyDate=( 21 )
<10:16:55 22 Apr 2017>
$$ @vis= VisuSubjectSex VisuSubjectComment VisuSubject VisuStudyUid
##$VisuStudyId=( 65 )
<GFC_invivo_bGUS_mBG_MP422>
##$VisuStudyNumber=1
##$VisuSubjectWeight=5
##$VisuStudyReferringPhysician=( 65 )
<>
$$ @vis= VisuStudyDate VisuStudyId VisuStudyNumber VisuSubjectWeight
##$VisuStudyDescription=( 65 )
<>
##$VisuSeriesNumber=196609
$$ @vis= VisuStudyReferringPhysician VisuStudyDescription VisuStudy
##$VisuSubjectPosition=Head_Supine
##$VisuSeriesTypeId=( 65 )
<ACQ_USER_PVM>
##$VisuInstitution=( 65 )
<Univ. of Arizona>
$$ @vis= VisuSeriesNumber VisuSubjectPosition VisuSeriesTypeId VisuSeries
##$VisuStation=( 65 )
<Biospec 70/20>
##$VisuAcqDate=( 21 )
<10:44:29 22 Apr 2017>
##$VisuAcqEchoTrainLength=96
$$ @vis= VisuInstitution VisuStation VisuEquipment VisuAcqDate
##$VisuAcqSequenceName=( 40 )
<cESTFISP_SSprep_gate (pvm)>
##$VisuAcqNumberOfAverages=1
##$VisuAcqImagingFrequency=300.243801985091
$$ @vis= VisuAcqEchoTrainLength VisuAcqSequenceName VisuAcqNumberOfAverages
##$VisuAcqImagedNucleus=( 8 )
<1H>
##$VisuAcqRepetitionTime=( 1 )
4.3896
##$VisuAcqPhaseEncSteps=96
$$ @vis= VisuAcqImagingFrequency VisuAcqImagedNucleus VisuAcqRepetitionTime
##$VisuAcqPixelBandwidth=964.506172839506
##$VisuAcqFlipAngle=15
##$VisuAcqSize=( 2 )
96 96
$$ @vis= VisuAcqPhaseEncSteps VisuAcqPixelBandwidth VisuAcqFlipAngle
##$VisuAcqImageSizeAccellerated=No
##$VisuAcqImagePhaseEncDir=( 264 )
col_dir col_dir col_dir col_dir col_dir col_dir col_dir col_dir col_dir 
col_dir col_dir col_dir col_dir col_dir col_dir col_dir col_dir col_dir 
col_dir col_dir col_dir col_dir col_dir col_dir col_dir col_dir col_dir 
col_dir col_dir col_dir col_dir col_dir col_dir col_dir col_dir col_dir 
col_dir col_dir col_dir col_dir col_dir col_dir col_dir col_dir col_dir 
col_dir col_dir col_dir col_dir col_dir col_dir col_dir col_dir col_dir 
col_dir col_dir col_dir col_dir col_dir col_dir col_dir col_dir col_dir 
col_dir col_dir col_dir col_dir col_dir col_dir col_dir col_dir col_dir 
col_dir col_dir col_dir col_dir col_dir col_dir col_dir col_dir col_dir 
col_dir col_dir col_dir col_dir col_dir col_dir col_dir col_dir col_dir 
col_dir col_dir col_dir col_dir col_dir col_dir col_dir col_dir col_dir 
col_dir col_dir col_dir col_dir col_dir col_dir col_dir col_dir col_dir 
col_dir col_dir col_dir col_dir col_dir col_dir col_dir col_dir col_dir 
col_dir col_dir col_dir col_dir col_dir col_dir col_dir col_dir col_dir 
col_dir col_dir col_dir col_dir col_dir col_dir col_dir col_dir col_dir 
col_dir col_dir col_dir col_dir col_dir col_dir col_dir col_dir col_dir 
col_dir col_dir col_dir col_dir col_dir col_dir col_dir col_dir col_dir 
col_dir col_dir col_dir col_dir col_dir col_dir col_dir col_dir col_dir 
col_dir col_dir col_dir col_dir col_dir col_dir col_dir col_dir col_dir 
col_dir col_dir col_dir col_dir col_dir col_dir col_dir col_dir col_dir 
col_dir col_dir col_dir col_dir col_dir col_dir col_dir col_dir col_dir 
col_dir col_dir col_dir col_dir col_dir col_dir col_dir col_dir col_dir 
col_dir col_dir col_dir col_dir col_dir col_dir col_dir col_dir col_dir 
col_dir col_dir col_dir col_dir col_dir col_dir col_dir col_dir col_dir 
col_dir col_dir col_dir col_dir col_dir col_dir col_dir col_dir col_dir 
col_dir col_dir col_dir col_dir col_dir col_dir col_dir col_dir col_dir 
col_dir col_dir col_dir col_dir col_dir col_dir col_dir col_dir col_dir 
col_dir col_dir col_dir col_dir col_dir col_dir col_dir col_dir col_dir 
col_dir col_dir col_dir col_dir col_dir col_dir col_dir col_dir col_dir 
col_dir col_dir col_dir
##$VisuAcqEchoTime=( 1 )
1.9948
$$ @vis= VisuAcqSize VisuAcqImageSizeAccellerated VisuAcqImagePhaseEncDir
##$VisuAcquisitionProtocol=( 65 )
<PREinvivoCEST_GFC_20170211(modified)>
##$VisuAcqScanTime=159508
$$ @vis= VisuAcqEchoTime VisuAcquisitionProtocol VisuAcqScanTime
$$ @vis= VisuAcquisition Visu
##END=
