##TITLE=Parameter List
##JCAMPDX=4.24
##DATATYPE=Parameter Values
##ORIGIN=Bruker BioSpin MRI GmbH
##OWNER=gabriela
$$ Sat Apr 22 13:05:48 2017 MST (UT-7h)  gabriela
$$ /opt/PV51/data/gabriela/nmr/GFC_invivo_bGUS_MP422.H71/3/pdata/1/reco
##$RECO_mode=FT_MODE
##$RecoAutoDerive=Yes
##$RECO_inp_order=NO_REORDERING
##$RECO_inp_size=( 2 )
96 96
##$RECO_ft_size=( 2 )
96 96
##$RECO_fov=( 2 )
4.8 4.8
##$RECO_size=( 2 )
96 96
$$ @vis= RECO_mode RecoAutoDerive RECO_inp_order RECO_ft_size RECO_fov
##$RECO_offset=( 2, 1 )
0 0
##$RECO_regrid_mode=NO_REGRID
##$RECO_regrid_offset=0
##$RECO_ramp_gap=0
##$RECO_ramp_time=0
##$RECO_ne_mode=NO_NAV_DATA
##$RECO_ne_dist=NeNoInterleave
##$RECO_ne_dens=NeCorrPerScan
##$RECO_ne_type=NAV_PHASE
##$RECO_ne_vals=( 1, 2 )
0 0
##$RECO_bc_mode=( 2 )
NO_BC NO_BC
##$RECO_bc_start=( 2 )
72 72
##$RECO_bc_len=( 2 )
24 24
##$RECO_dc_offset=( 2 )
0 0
##$RECO_dc_divisor=1
##$RECO_bc_coroff=( 2 )
0 0
##$RECO_qopts=( 2 )
CONJ_AND_QNEG NO_QOPTS
##$RECO_wdw_mode=( 2 )
NO_WDW NO_WDW
$$ @vis= RECO_size RECO_regrid_mode RECO_ne_mode RECO_bc_mode RECO_qopts
##$RECO_lb=( 2 )
-0.5 -0.5
##$RECO_sw=( 2 )
92592.5925925926 1
##$RECO_gb=( 2 )
0.5 0.5
##$RECO_sbs=( 2 )
1 1
##$RECO_tm1=( 2 )
0.25 0.25
##$RECO_tm2=( 2 )
0.75 0.75
##$RECO_ft_mode=( 2 )
COMPLEX_FT COMPLEX_FT
##$RECO_pc_mode=( 2 )
NO_PC NO_PC
##$RECO_pc_lin=( 2 )
(0, 0) (0, 0)
##$RECO_rotate=( 2, 1 )
0 0.697916666666667
##$RECO_ppc_mode=NO_PPC
##$RECO_ref_image=0
##$RECO_nr_supports=0.4
##$RECO_sig_threshold=0.15
##$RECO_ppc_degree=1
##$RECO_ppc_coeffs=( 1, 2, 2 )
0 0 0 0
##$RECO_dc_elim=No
$$ @vis= RECO_wdw_mode RECO_ft_mode RECO_pc_mode RECO_rotate RECO_ppc_mode
##$RECO_transposition=( 1 )
0
##$RECO_image_type=MAGNITUDE_IMAGE
##$RECO_image_threshold=0.15
##$RECO_ir_scale=10
##$RECO_wordtype=_16BIT_SGN_INT
##$RECO_map_mode=ABSOLUTE_MAPPING
$$ @vis= RECO_dc_elim RECO_transposition RECO_image_type RECO_wordtype
##$RECO_map_range=( 2 )
-2147483647 2147483647
##$RECO_map_percentile=( 2 )
1 99.99
##$RECO_map_error=0.0025
##$RECO_globex=( 264 )
0 0 0 0 0 0 0 0 0 0 0 0 0 0 0 0 0 0 0 0 0 0 0 0 0 0 0 0 0 0 0 0 0 0 0 0 0 0 0 
0 0 0 0 0 0 0 0 0 0 0 0 0 0 0 0 0 0 0 0 0 0 0 0 0 0 0 0 0 0 0 0 0 0 0 0 0 0 0 
0 0 0 0 0 0 0 0 0 0 0 0 0 0 0 0 0 0 0 0 0 0 0 0 0 0 0 0 0 0 0 0 0 0 0 0 0 0 0 
0 0 0 0 0 0 0 0 0 0 0 0 0 0 0 0 0 0 0 0 0 0 0 0 0 0 0 0 0 0 0 0 0 0 0 0 0 0 0 
0 0 0 0 0 0 0 0 0 0 0 0 0 0 0 0 0 0 0 0 0 0 0 0 0 0 0 0 0 0 0 0 0 0 0 0 0 0 0 
0 0 0 0 0 0 0 0 0 0 0 0 0 0 0 0 0 0 0 0 0 0 0 0 0 0 0 0 0 0 0 0 0 0 0 0 0 0 0 
0 0 0 0 0 0 0 0 0 0 0 0 0 0 0 0 0 0 0 0 0 0 0 0 0 0 0 0 0 0
##$RECO_minima=( 264 )
0 0 0 0 0 0 0 0 0 0 0 0 0 0 0 0 0 0 0 0 0 0 0 0 0 0 0 0 0 0 0 0 0 0 0 0 0 0 0 
0 0 0 0 0 0 0 0 0 0 0 0 0 0 0 0 0 0 0 0 0 0 0 0 0 0 0 0 0 0 0 0 0 0 0 0 0 0 0 
0 0 0 0 0 0 0 0 0 0 0 0 0 0 0 0 0 0 0 0 0 0 0 0 0 0 0 0 0 0 0 0 0 0 0 0 0 0 0 
0 0 0 0 0 0 0 0 0 0 0 0 0 0 0 0 0 0 0 0 0 0 0 0 0 0 0 0 0 0 0 0 0 0 0 0 0 0 0 
0 0 0 0 0 0 0 0 0 0 0 0 0 0 0 0 0 0 0 0 0 0 0 0 0 0 0 0 0 0 0 0 0 0 0 0 0 0 0 
0 0 0 0 0 0 0 0 0 0 0 0 0 0 0 0 0 0 0 0 0 0 0 0 0 0 0 0 0 0 0 0 0 0 0 0 0 0 0 
0 0 0 0 0 0 0 0 0 0 0 0 0 0 0 0 0 0 0 0 0 0 0 0 0 0 0 0 0 0
##$RECO_maxima=( 264 )
32767 27140 27724 27656 27295 27278 26850 26770 27629 27210 25085 27543 26981 
26725 26273 26348 25894 26089 26253 26837 25575 24896 23362 22793 22481 23388 
23432 23337 22396 21606 18573 15835 12806 13072 13659 15977 20831 22638 23992 
24857 26381 27371 26969 27047 27040 27184 27060 26473 27192 27210 26949 26565 
26006 25134 24668 25353 24757 26403 26480 27104 26144 27146 26480 26478 26541 
25900 24361 23423 23793 24020 24266 23949 22676 22389 19257 16685 12412 13038 
13003 17117 21355 23985 25842 25617 26341 27774 27619 28213 27921 27917 28323 
27932 27825 27453 27411 28288 26986 26827 26245 26402 27043 26753 27026 27348 
26806 27566 27506 26936 27594 27050 24888 23797 24785 25348 26140 24793 23543 
22509 20026 16063 13570 13338 13979 17790 23385 24512 25277 26087 27094 28758 
29161 28905 28755 29720 28492 28615 28480 28726 28311 28380 27866 26717 26329 
26135 26841 28018 27380 28350 27082 27266 27627 27027 27003 26779 25413 24943 
25242 25473 25287 25210 24007 22524 20516 16125 13818 13833 13573 17397 22770 
24184 26056 26171 27887 27949 27864 29171 28329 29035 28056 28175 28273 27922 
28447 27426 28226 26830 26782 26865 26408 27216 27721 28049 27972 27563 27428 
27215 26904 26311 25340 24100 25089 25607 25053 24619 23457 21847 19883 15880 
13658 13758 13812 17283 22245 23883 25901 25869 26784 27208 28004 28107 28090 
27836 28529 28249 28254 28498 27447 27840 27143 26371 25272 26803 26705 27110 
27208 27374 27599 27260 27296 26181 26253 25718 24971 23627 23522 24582 25290 
25298 24078 22442 19146 16233 14151 13357 13044 17350 21512 24681 25429 25695 
26679 27203 28144 27499
##$RECO_map_min=( 264 )
-1327297 -1327297 -1327297 -1327297 -1327297 -1327297 -1327297 -1327297 
-1327297 -1327297 -1327297 -1327297 -1327297 -1327297 -1327297 -1327297 
-1327297 -1327297 -1327297 -1327297 -1327297 -1327297 -1327297 -1327297 
-1327297 -1327297 -1327297 -1327297 -1327297 -1327297 -1327297 -1327297 
-1327297 -1327297 -1327297 -1327297 -1327297 -1327297 -1327297 -1327297 
-1327297 -1327297 -1327297 -1327297 -1327297 -1327297 -1327297 -1327297 
-1327297 -1327297 -1327297 -1327297 -1327297 -1327297 -1327297 -1327297 
-1327297 -1327297 -1327297 -1327297 -1327297 -1327297 -1327297 -1327297 
-1327297 -1327297 -1327297 -1327297 -1327297 -1327297 -1327297 -1327297 
-1327297 -1327297 -1327297 -1327297 -1327297 -1327297 -1327297 -1327297 
-1327297 -1327297 -1327297 -1327297 -1327297 -1327297 -1327297 -1327297 
-1327297 -1327297 -1327297 -1327297 -1327297 -1327297 -1327297 -1327297 
-1327297 -1327297 -1327297 -1327297 -1327297 -1327297 -1327297 -1327297 
-1327297 -1327297 -1327297 -1327297 -1327297 -1327297 -1327297 -1327297 
-1327297 -1327297 -1327297 -1327297 -1327297 -1327297 -1327297 -1327297 
-1327297 -1327297 -1327297 -1327297 -1327297 -1327297 -1327297 -1327297 
-1327297 -1327297 -1327297 -1327297 -1327297 -1327297 -1327297 -1327297 
-1327297 -1327297 -1327297 -1327297 -1327297 -1327297 -1327297 -1327297 
-1327297 -1327297 -1327297 -1327297 -1327297 -1327297 -1327297 -1327297 
-1327297 -1327297 -1327297 -1327297 -1327297 -1327297 -1327297 -1327297 
-1327297 -1327297 -1327297 -1327297 -1327297 -1327297 -1327297 -1327297 
-1327297 -1327297 -1327297 -1327297 -1327297 -1327297 -1327297 -1327297 
-1327297 -1327297 -1327297 -1327297 -1327297 -1327297 -1327297 -1327297 
-1327297 -1327297 -1327297 -1327297 -1327297 -1327297 -1327297 -1327297 
-1327297 -1327297 -1327297 -1327297 -1327297 -1327297 -1327297 -1327297 
-1327297 -1327297 -1327297 -1327297 -1327297 -1327297 -1327297 -1327297 
-1327297 -1327297 -1327297 -1327297 -1327297 -1327297 -1327297 -1327297 
-1327297 -1327297 -1327297 -1327297 -1327297 -1327297 -1327297 -1327297 
-1327297 -1327297 -1327297 -1327297 -1327297 -1327297 -1327297 -1327297 
-1327297 -1327297 -1327297 -1327297 -1327297 -1327297 -1327297 -1327297 
-1327297 -1327297 -1327297 -1327297 -1327297 -1327297 -1327297 -1327297 
-1327297 -1327297 -1327297 -1327297 -1327297 -1327297 -1327297 -1327297 
-1327297 -1327297 -1327297 -1327297 -1327297 -1327297 -1327297 -1327297
##$RECO_map_max=( 264 )
1327297 1327297 1327297 1327297 1327297 1327297 1327297 1327297 1327297 
1327297 1327297 1327297 1327297 1327297 1327297 1327297 1327297 1327297 
1327297 1327297 1327297 1327297 1327297 1327297 1327297 1327297 1327297 
1327297 1327297 1327297 1327297 1327297 1327297 1327297 1327297 1327297 
1327297 1327297 1327297 1327297 1327297 1327297 1327297 1327297 1327297 
1327297 1327297 1327297 1327297 1327297 1327297 1327297 1327297 1327297 
1327297 1327297 1327297 1327297 1327297 1327297 1327297 1327297 1327297 
1327297 1327297 1327297 1327297 1327297 1327297 1327297 1327297 1327297 
1327297 1327297 1327297 1327297 1327297 1327297 1327297 1327297 1327297 
1327297 1327297 1327297 1327297 1327297 1327297 1327297 1327297 1327297 
1327297 1327297 1327297 1327297 1327297 1327297 1327297 1327297 1327297 
1327297 1327297 1327297 1327297 1327297 1327297 1327297 1327297 1327297 
1327297 1327297 1327297 1327297 1327297 1327297 1327297 1327297 1327297 
1327297 1327297 1327297 1327297 1327297 1327297 1327297 1327297 1327297 
1327297 1327297 1327297 1327297 1327297 1327297 1327297 1327297 1327297 
1327297 1327297 1327297 1327297 1327297 1327297 1327297 1327297 1327297 
1327297 1327297 1327297 1327297 1327297 1327297 1327297 1327297 1327297 
1327297 1327297 1327297 1327297 1327297 1327297 1327297 1327297 1327297 
1327297 1327297 1327297 1327297 1327297 1327297 1327297 1327297 1327297 
1327297 1327297 1327297 1327297 1327297 1327297 1327297 1327297 1327297 
1327297 1327297 1327297 1327297 1327297 1327297 1327297 1327297 1327297 
1327297 1327297 1327297 1327297 1327297 1327297 1327297 1327297 1327297 
1327297 1327297 1327297 1327297 1327297 1327297 1327297 1327297 1327297 
1327297 1327297 1327297 1327297 1327297 1327297 1327297 1327297 1327297 
1327297 1327297 1327297 1327297 1327297 1327297 1327297 1327297 1327297 
1327297 1327297 1327297 1327297 1327297 1327297 1327297 1327297 1327297 
1327297 1327297 1327297 1327297 1327297 1327297 1327297 1327297 1327297 
1327297 1327297 1327297 1327297 1327297 1327297 1327297 1327297 1327297 
1327297 1327297 1327297 1327297 1327297 1327297 1327297 1327297 1327297 
1327297 1327297 1327297
$$ @vis= RECO_map_mode RECO_globex RECO_minima RECO_maxima RECO_map_min
##$RECO_map_offset=( 264 )
0 0 0 0 0 0 0 0 0 0 0 0 0 0 0 0 0 0 0 0 0 0 0 0 0 0 0 0 0 0 0 0 0 0 0 0 0 0 0 
0 0 0 0 0 0 0 0 0 0 0 0 0 0 0 0 0 0 0 0 0 0 0 0 0 0 0 0 0 0 0 0 0 0 0 0 0 0 0 
0 0 0 0 0 0 0 0 0 0 0 0 0 0 0 0 0 0 0 0 0 0 0 0 0 0 0 0 0 0 0 0 0 0 0 0 0 0 0 
0 0 0 0 0 0 0 0 0 0 0 0 0 0 0 0 0 0 0 0 0 0 0 0 0 0 0 0 0 0 0 0 0 0 0 0 0 0 0 
0 0 0 0 0 0 0 0 0 0 0 0 0 0 0 0 0 0 0 0 0 0 0 0 0 0 0 0 0 0 0 0 0 0 0 0 0 0 0 
0 0 0 0 0 0 0 0 0 0 0 0 0 0 0 0 0 0 0 0 0 0 0 0 0 0 0 0 0 0 0 0 0 0 0 0 0 0 0 
0 0 0 0 0 0 0 0 0 0 0 0 0 0 0 0 0 0 0 0 0 0 0 0 0 0 0 0 0 0
##$RECO_map_slope=( 264 )
0.0246870145201683 0.0246870145201683 0.0246870145201683 0.0246870145201683 
0.0246870145201683 0.0246870145201683 0.0246870145201683 0.0246870145201683 
0.0246870145201683 0.0246870145201683 0.0246870145201683 0.0246870145201683 
0.0246870145201683 0.0246870145201683 0.0246870145201683 0.0246870145201683 
0.0246870145201683 0.0246870145201683 0.0246870145201683 0.0246870145201683 
0.0246870145201683 0.0246870145201683 0.0246870145201683 0.0246870145201683 
0.0246870145201683 0.0246870145201683 0.0246870145201683 0.0246870145201683 
0.0246870145201683 0.0246870145201683 0.0246870145201683 0.0246870145201683 
0.0246870145201683 0.0246870145201683 0.0246870145201683 0.0246870145201683 
0.0246870145201683 0.0246870145201683 0.0246870145201683 0.0246870145201683 
0.0246870145201683 0.0246870145201683 0.0246870145201683 0.0246870145201683 
0.0246870145201683 0.0246870145201683 0.0246870145201683 0.0246870145201683 
0.0246870145201683 0.0246870145201683 0.0246870145201683 0.0246870145201683 
0.0246870145201683 0.0246870145201683 0.0246870145201683 0.0246870145201683 
0.0246870145201683 0.0246870145201683 0.0246870145201683 0.0246870145201683 
0.0246870145201683 0.0246870145201683 0.0246870145201683 0.0246870145201683 
0.0246870145201683 0.0246870145201683 0.0246870145201683 0.0246870145201683 
0.0246870145201683 0.0246870145201683 0.0246870145201683 0.0246870145201683 
0.0246870145201683 0.0246870145201683 0.0246870145201683 0.0246870145201683 
0.0246870145201683 0.0246870145201683 0.0246870145201683 0.0246870145201683 
0.0246870145201683 0.0246870145201683 0.0246870145201683 0.0246870145201683 
0.0246870145201683 0.0246870145201683 0.0246870145201683 0.0246870145201683 
0.0246870145201683 0.0246870145201683 0.0246870145201683 0.0246870145201683 
0.0246870145201683 0.0246870145201683 0.0246870145201683 0.0246870145201683 
0.0246870145201683 0.0246870145201683 0.0246870145201683 0.0246870145201683 
0.0246870145201683 0.0246870145201683 0.0246870145201683 0.0246870145201683 
0.0246870145201683 0.0246870145201683 0.0246870145201683 0.0246870145201683 
0.0246870145201683 0.0246870145201683 0.0246870145201683 0.0246870145201683 
0.0246870145201683 0.0246870145201683 0.0246870145201683 0.0246870145201683 
0.0246870145201683 0.0246870145201683 0.0246870145201683 0.0246870145201683 
0.0246870145201683 0.0246870145201683 0.0246870145201683 0.0246870145201683 
0.0246870145201683 0.0246870145201683 0.0246870145201683 0.0246870145201683 
0.0246870145201683 0.0246870145201683 0.0246870145201683 0.0246870145201683 
0.0246870145201683 0.0246870145201683 0.0246870145201683 0.0246870145201683 
0.0246870145201683 0.0246870145201683 0.0246870145201683 0.0246870145201683 
0.0246870145201683 0.0246870145201683 0.0246870145201683 0.0246870145201683 
0.0246870145201683 0.0246870145201683 0.0246870145201683 0.0246870145201683 
0.0246870145201683 0.0246870145201683 0.0246870145201683 0.0246870145201683 
0.0246870145201683 0.0246870145201683 0.0246870145201683 0.0246870145201683 
0.0246870145201683 0.0246870145201683 0.0246870145201683 0.0246870145201683 
0.0246870145201683 0.0246870145201683 0.0246870145201683 0.0246870145201683 
0.0246870145201683 0.0246870145201683 0.0246870145201683 0.0246870145201683 
0.0246870145201683 0.0246870145201683 0.0246870145201683 0.0246870145201683 
0.0246870145201683 0.0246870145201683 0.0246870145201683 0.0246870145201683 
0.0246870145201683 0.0246870145201683 0.0246870145201683 0.0246870145201683 
0.0246870145201683 0.0246870145201683 0.0246870145201683 0.0246870145201683 
0.0246870145201683 0.0246870145201683 0.0246870145201683 0.0246870145201683 
0.0246870145201683 0.0246870145201683 0.0246870145201683 0.0246870145201683 
0.0246870145201683 0.0246870145201683 0.0246870145201683 0.0246870145201683 
0.0246870145201683 0.0246870145201683 0.0246870145201683 0.0246870145201683 
0.0246870145201683 0.0246870145201683 0.0246870145201683 0.0246870145201683 
0.0246870145201683 0.0246870145201683 0.0246870145201683 0.0246870145201683 
0.0246870145201683 0.0246870145201683 0.0246870145201683 0.0246870145201683 
0.0246870145201683 0.0246870145201683 0.0246870145201683 0.0246870145201683 
0.0246870145201683 0.0246870145201683 0.0246870145201683 0.0246870145201683 
0.0246870145201683 0.0246870145201683 0.0246870145201683 0.0246870145201683 
0.0246870145201683 0.0246870145201683 0.0246870145201683 0.0246870145201683 
0.0246870145201683 0.0246870145201683 0.0246870145201683 0.0246870145201683 
0.0246870145201683 0.0246870145201683 0.0246870145201683 0.0246870145201683 
0.0246870145201683 0.0246870145201683 0.0246870145201683 0.0246870145201683 
0.0246870145201683 0.0246870145201683 0.0246870145201683 0.0246870145201683 
0.0246870145201683 0.0246870145201683 0.0246870145201683 0.0246870145201683 
0.0246870145201683 0.0246870145201683 0.0246870145201683 0.0246870145201683 
0.0246870145201683 0.0246870145201683 0.0246870145201683 0.0246870145201683 
0.0246870145201683 0.0246870145201683 0.0246870145201683 0.0246870145201683 
0.0246870145201683 0.0246870145201683 0.0246870145201683 0.0246870145201683
##$RECO_byte_order=littleEndian
##$RECO_time=( 24 )
<12:41:04 22 Apr 2017>
##$RECO_abs_time=1492890064
$$ @vis= RECO_map_max RECO_map_offset RECO_map_slope RECO_byte_order RECO_time
##$RECO_base_image_uid=( 65 )
<2.16.756.5.5.100.4167689927.20267.1492891548.1060>
##$GS_reco_display=Yes
$$ @vis= RECO_abs_time RECO_base_image_uid RecoRegridNGroup GS_reco_display
##$GO_reco_display=Yes
##$GO_reco_each_nr=No
##$GO_max_reco_mem=0
$$ @vis= RECO_GS GO_reco_display GO_reco_each_nr GO_max_reco_mem RECO_GO RECO
##END=
