##TITLE=Parameter List
##JCAMPDX=4.24
##DATATYPE=Parameter Values
##ORIGIN=Bruker BioSpin MRI GmbH
##OWNER=gabriela
$$ Sat Apr 22 13:05:48 2017 MST (UT-7h)  gabriela
$$ /opt/PV51/data/gabriela/nmr/GFC_invivo_bGUS_MP422.H71/3/pdata/1/visu_pars
##$VisuVersion=1
##$VisuUid=( 65 )
<2.16.756.5.5.100.4167689927.20267.1492891548.1060>
##$VisuCreator=( 65 )
<ParaVision>
##$VisuCreatorVersion=( 65 )
<5.1>
##$VisuCreationDate=( 21 )
<12:41:04 22 Apr 2017>
$$ @vis= VisuVersion VisuUid VisuCreator VisuCreatorVersion VisuCreationDate
##$VisuCoreFrameCount=264
##$VisuCoreDim=2
##$VisuCoreSize=( 2 )
96 96
##$VisuCoreDimDesc=( 2 )
spatial spatial
$$ @vis= VisuInstance VisuCoreFrameCount VisuCoreDim VisuCoreSize
##$VisuCoreExtent=( 2 )
48 48
##$VisuCoreFrameThickness=( 1 )
2
##$VisuCoreUnits=( 2, 65 )
<mm> <mm>
##$VisuCoreOrientation=( 1, 9 )
1 0 0 0 1 0 0 0 1
$$ @vis= VisuCoreDimDesc VisuCoreExtent VisuCoreFrameThickness VisuCoreUnits
##$VisuCorePosition=( 1, 3 )
-29.6 -33.6 9
##$VisuCoreDataMin=( 264 )
0 0 0 0 0 0 0 0 0 0 0 0 0 0 0 0 0 0 0 0 0 0 0 0 0 0 0 0 0 0 0 0 0 0 0 0 0 0 0 
0 0 0 0 0 0 0 0 0 0 0 0 0 0 0 0 0 0 0 0 0 0 0 0 0 0 0 0 0 0 0 0 0 0 0 0 0 0 0 
0 0 0 0 0 0 0 0 0 0 0 0 0 0 0 0 0 0 0 0 0 0 0 0 0 0 0 0 0 0 0 0 0 0 0 0 0 0 0 
0 0 0 0 0 0 0 0 0 0 0 0 0 0 0 0 0 0 0 0 0 0 0 0 0 0 0 0 0 0 0 0 0 0 0 0 0 0 0 
0 0 0 0 0 0 0 0 0 0 0 0 0 0 0 0 0 0 0 0 0 0 0 0 0 0 0 0 0 0 0 0 0 0 0 0 0 0 0 
0 0 0 0 0 0 0 0 0 0 0 0 0 0 0 0 0 0 0 0 0 0 0 0 0 0 0 0 0 0 0 0 0 0 0 0 0 0 0 
0 0 0 0 0 0 0 0 0 0 0 0 0 0 0 0 0 0 0 0 0 0 0 0 0 0 0 0 0 0
##$VisuCoreDataMax=( 264 )
32767 27140 27724 27656 27295 27278 26850 26770 27629 27210 25085 27543 26981 
26725 26273 26348 25894 26089 26253 26837 25575 24896 23362 22793 22481 23388 
23432 23337 22396 21606 18573 15835 12806 13072 13659 15977 20831 22638 23992 
24857 26381 27371 26969 27047 27040 27184 27060 26473 27192 27210 26949 26565 
26006 25134 24668 25353 24757 26403 26480 27104 26144 27146 26480 26478 26541 
25900 24361 23423 23793 24020 24266 23949 22676 22389 19257 16685 12412 13038 
13003 17117 21355 23985 25842 25617 26341 27774 27619 28213 27921 27917 28323 
27932 27825 27453 27411 28288 26986 26827 26245 26402 27043 26753 27026 27348 
26806 27566 27506 26936 27594 27050 24888 23797 24785 25348 26140 24793 23543 
22509 20026 16063 13570 13338 13979 17790 23385 24512 25277 26087 27094 28758 
29161 28905 28755 29720 28492 28615 28480 28726 28311 28380 27866 26717 26329 
26135 26841 28018 27380 28350 27082 27266 27627 27027 27003 26779 25413 24943 
25242 25473 25287 25210 24007 22524 20516 16125 13818 13833 13573 17397 22770 
24184 26056 26171 27887 27949 27864 29171 28329 29035 28056 28175 28273 27922 
28447 27426 28226 26830 26782 26865 26408 27216 27721 28049 27972 27563 27428 
27215 26904 26311 25340 24100 25089 25607 25053 24619 23457 21847 19883 15880 
13658 13758 13812 17283 22245 23883 25901 25869 26784 27208 28004 28107 28090 
27836 28529 28249 28254 28498 27447 27840 27143 26371 25272 26803 26705 27110 
27208 27374 27599 27260 27296 26181 26253 25718 24971 23627 23522 24582 25290 
25298 24078 22442 19146 16233 14151 13357 13044 17350 21512 24681 25429 25695 
26679 27203 28144 27499
##$VisuCoreDataOffs=( 264 )
0 0 0 0 0 0 0 0 0 0 0 0 0 0 0 0 0 0 0 0 0 0 0 0 0 0 0 0 0 0 0 0 0 0 0 0 0 0 0 
0 0 0 0 0 0 0 0 0 0 0 0 0 0 0 0 0 0 0 0 0 0 0 0 0 0 0 0 0 0 0 0 0 0 0 0 0 0 0 
0 0 0 0 0 0 0 0 0 0 0 0 0 0 0 0 0 0 0 0 0 0 0 0 0 0 0 0 0 0 0 0 0 0 0 0 0 0 0 
0 0 0 0 0 0 0 0 0 0 0 0 0 0 0 0 0 0 0 0 0 0 0 0 0 0 0 0 0 0 0 0 0 0 0 0 0 0 0 
0 0 0 0 0 0 0 0 0 0 0 0 0 0 0 0 0 0 0 0 0 0 0 0 0 0 0 0 0 0 0 0 0 0 0 0 0 0 0 
0 0 0 0 0 0 0 0 0 0 0 0 0 0 0 0 0 0 0 0 0 0 0 0 0 0 0 0 0 0 0 0 0 0 0 0 0 0 0 
0 0 0 0 0 0 0 0 0 0 0 0 0 0 0 0 0 0 0 0 0 0 0 0 0 0 0 0 0 0
$$ @vis= VisuCoreOrientation VisuCorePosition VisuCoreDataMin VisuCoreDataMax
##$VisuCoreDataSlope=( 264 )
40.5071256867873 40.5071256867873 40.5071256867873 40.5071256867873 
40.5071256867873 40.5071256867873 40.5071256867873 40.5071256867873 
40.5071256867873 40.5071256867873 40.5071256867873 40.5071256867873 
40.5071256867873 40.5071256867873 40.5071256867873 40.5071256867873 
40.5071256867873 40.5071256867873 40.5071256867873 40.5071256867873 
40.5071256867873 40.5071256867873 40.5071256867873 40.5071256867873 
40.5071256867873 40.5071256867873 40.5071256867873 40.5071256867873 
40.5071256867873 40.5071256867873 40.5071256867873 40.5071256867873 
40.5071256867873 40.5071256867873 40.5071256867873 40.5071256867873 
40.5071256867873 40.5071256867873 40.5071256867873 40.5071256867873 
40.5071256867873 40.5071256867873 40.5071256867873 40.5071256867873 
40.5071256867873 40.5071256867873 40.5071256867873 40.5071256867873 
40.5071256867873 40.5071256867873 40.5071256867873 40.5071256867873 
40.5071256867873 40.5071256867873 40.5071256867873 40.5071256867873 
40.5071256867873 40.5071256867873 40.5071256867873 40.5071256867873 
40.5071256867873 40.5071256867873 40.5071256867873 40.5071256867873 
40.5071256867873 40.5071256867873 40.5071256867873 40.5071256867873 
40.5071256867873 40.5071256867873 40.5071256867873 40.5071256867873 
40.5071256867873 40.5071256867873 40.5071256867873 40.5071256867873 
40.5071256867873 40.5071256867873 40.5071256867873 40.5071256867873 
40.5071256867873 40.5071256867873 40.5071256867873 40.5071256867873 
40.5071256867873 40.5071256867873 40.5071256867873 40.5071256867873 
40.5071256867873 40.5071256867873 40.5071256867873 40.5071256867873 
40.5071256867873 40.5071256867873 40.5071256867873 40.5071256867873 
40.5071256867873 40.5071256867873 40.5071256867873 40.5071256867873 
40.5071256867873 40.5071256867873 40.5071256867873 40.5071256867873 
40.5071256867873 40.5071256867873 40.5071256867873 40.5071256867873 
40.5071256867873 40.5071256867873 40.5071256867873 40.5071256867873 
40.5071256867873 40.5071256867873 40.5071256867873 40.5071256867873 
40.5071256867873 40.5071256867873 40.5071256867873 40.5071256867873 
40.5071256867873 40.5071256867873 40.5071256867873 40.5071256867873 
40.5071256867873 40.5071256867873 40.5071256867873 40.5071256867873 
40.5071256867873 40.5071256867873 40.5071256867873 40.5071256867873 
40.5071256867873 40.5071256867873 40.5071256867873 40.5071256867873 
40.5071256867873 40.5071256867873 40.5071256867873 40.5071256867873 
40.5071256867873 40.5071256867873 40.5071256867873 40.5071256867873 
40.5071256867873 40.5071256867873 40.5071256867873 40.5071256867873 
40.5071256867873 40.5071256867873 40.5071256867873 40.5071256867873 
40.5071256867873 40.5071256867873 40.5071256867873 40.5071256867873 
40.5071256867873 40.5071256867873 40.5071256867873 40.5071256867873 
40.5071256867873 40.5071256867873 40.5071256867873 40.5071256867873 
40.5071256867873 40.5071256867873 40.5071256867873 40.5071256867873 
40.5071256867873 40.5071256867873 40.5071256867873 40.5071256867873 
40.5071256867873 40.5071256867873 40.5071256867873 40.5071256867873 
40.5071256867873 40.5071256867873 40.5071256867873 40.5071256867873 
40.5071256867873 40.5071256867873 40.5071256867873 40.5071256867873 
40.5071256867873 40.5071256867873 40.5071256867873 40.5071256867873 
40.5071256867873 40.5071256867873 40.5071256867873 40.5071256867873 
40.5071256867873 40.5071256867873 40.5071256867873 40.5071256867873 
40.5071256867873 40.5071256867873 40.5071256867873 40.5071256867873 
40.5071256867873 40.5071256867873 40.5071256867873 40.5071256867873 
40.5071256867873 40.5071256867873 40.5071256867873 40.5071256867873 
40.5071256867873 40.5071256867873 40.5071256867873 40.5071256867873 
40.5071256867873 40.5071256867873 40.5071256867873 40.5071256867873 
40.5071256867873 40.5071256867873 40.5071256867873 40.5071256867873 
40.5071256867873 40.5071256867873 40.5071256867873 40.5071256867873 
40.5071256867873 40.5071256867873 40.5071256867873 40.5071256867873 
40.5071256867873 40.5071256867873 40.5071256867873 40.5071256867873 
40.5071256867873 40.5071256867873 40.5071256867873 40.5071256867873 
40.5071256867873 40.5071256867873 40.5071256867873 40.5071256867873 
40.5071256867873 40.5071256867873 40.5071256867873 40.5071256867873 
40.5071256867873 40.5071256867873 40.5071256867873 40.5071256867873 
40.5071256867873 40.5071256867873 40.5071256867873 40.5071256867873 
40.5071256867873 40.5071256867873 40.5071256867873 40.5071256867873 
40.5071256867873 40.5071256867873 40.5071256867873 40.5071256867873 
40.5071256867873 40.5071256867873 40.5071256867873 40.5071256867873
##$VisuCoreFrameType=MAGNITUDE_IMAGE
##$VisuFGElemComment=( 44, 65 )
<VCEST=  4800.0Hz> <VCEST=  4260.0Hz> <VCEST=  4140.0Hz> <VCEST=  4020.0Hz> <
VCEST=  3900.0Hz> <VCEST=  3780.0Hz> <VCEST=  3660.0Hz> <VCEST=  3540.0Hz> <
VCEST=  3420.0Hz> <VCEST=  3300.0Hz> <VCEST=  3180.0Hz> <VCEST=  3060.0Hz> <
VCEST=  2940.0Hz> <VCEST=  2820.0Hz> <VCEST=  2700.0Hz> <VCEST=  2580.0Hz> <
VCEST=  2460.0Hz> <VCEST=  2340.0Hz> <VCEST=  2220.0Hz> <VCEST=  2100.0Hz> <
VCEST=  1980.0Hz> <VCEST=  1860.0Hz> <VCEST=  1740.0Hz> <VCEST=  1620.0Hz> <
VCEST=  1500.0Hz> <VCEST=  1380.0Hz> <VCEST=  1260.0Hz> <VCEST=  1140.0Hz> <
VCEST=  1020.0Hz> <VCEST=   900.0Hz> <VCEST=   750.0Hz> <VCEST=   600.0Hz> <
VCEST=   450.0Hz> <VCEST=   300.0Hz> <VCEST=   150.0Hz> <VCEST=     0.0Hz> <
VCEST=  -150.0Hz> <VCEST=  -300.0Hz> <VCEST=  -450.0Hz> <VCEST=  -600.0Hz> <
VCEST=  -900.0Hz> <VCEST= -1800.0Hz> <VCEST= -2700.0Hz> <VCEST= -3600.0Hz>
$$ @vis= VisuCoreDataOffs VisuCoreDataSlope VisuCoreFrameType
##$VisuCoreWordType=_16BIT_SGN_INT
##$VisuCoreByteOrder=littleEndian
$$ @vis= VisuFGElemComment VisuCore VisuCoreWordType VisuCoreByteOrder
##$VisuFGOrderDescDim=2
##$VisuFGOrderDesc=( 2 )
(44, <FG_MOVIE>, <>, 0, 1) (6, <FG_CYCLE>, <>, 1, 0)
##$VisuGroupDepVals=( 2 )
(<VisuFGElemComment>, 0) (<>, 0)
$$ @vis= VisuPixel VisuFGOrderDescDim VisuFGOrderDesc VisuGroupDepVals
##$VisuSubjectName=( 65 )
<GFC_invivo_bGUS_MP422>
##$VisuSubjectId=( 65 )
<GFC_invivo_bGUS_MP422>
##$VisuSubjectBirthDate=( 9 )
<>
##$VisuSubjectSex=FEMALE
$$ @vis= VisuFrameOrderDesc VisuSubjectName VisuSubjectId VisuSubjectBirthDate
##$VisuSubjectComment=( 2048 )
<>
##$VisuStudyUid=( 65 )
<2.16.756.5.5.100.4167689927.19722.1492888762.3175>
##$VisuStudyDate=( 21 )
<12:19:22 22 Apr 2017>
$$ @vis= VisuSubjectSex VisuSubjectComment VisuSubject VisuStudyUid
##$VisuStudyId=( 65 )
<GFC_invivo_bGUS_MP422>
##$VisuStudyNumber=1
##$VisuSubjectWeight=5
##$VisuStudyReferringPhysician=( 65 )
<>
$$ @vis= VisuStudyDate VisuStudyId VisuStudyNumber VisuSubjectWeight
##$VisuStudyDescription=( 65 )
<>
##$VisuSeriesNumber=196609
$$ @vis= VisuStudyReferringPhysician VisuStudyDescription VisuStudy
##$VisuSubjectPosition=Head_Supine
##$VisuSeriesTypeId=( 65 )
<ACQ_USER_PVM>
##$VisuInstitution=( 65 )
<Univ. of Arizona>
$$ @vis= VisuSeriesNumber VisuSubjectPosition VisuSeriesTypeId VisuSeries
##$VisuStation=( 65 )
<Biospec 70/20>
##$VisuAcqDate=( 21 )
<12:41:04 22 Apr 2017>
##$VisuAcqEchoTrainLength=96
$$ @vis= VisuInstitution VisuStation VisuEquipment VisuAcqDate
##$VisuAcqSequenceName=( 40 )
<cESTFISP_SSprep_gate (pvm)>
##$VisuAcqNumberOfAverages=1
##$VisuAcqImagingFrequency=300.243213391629
$$ @vis= VisuAcqEchoTrainLength VisuAcqSequenceName VisuAcqNumberOfAverages
##$VisuAcqImagedNucleus=( 8 )
<1H>
##$VisuAcqRepetitionTime=( 1 )
4.3896
##$VisuAcqPhaseEncSteps=96
$$ @vis= VisuAcqImagingFrequency VisuAcqImagedNucleus VisuAcqRepetitionTime
##$VisuAcqPixelBandwidth=964.506172839506
##$VisuAcqFlipAngle=15
##$VisuAcqSize=( 2 )
96 96
$$ @vis= VisuAcqPhaseEncSteps VisuAcqPixelBandwidth VisuAcqFlipAngle
##$VisuAcqImageSizeAccellerated=No
##$VisuAcqImagePhaseEncDir=( 264 )
col_dir col_dir col_dir col_dir col_dir col_dir col_dir col_dir col_dir 
col_dir col_dir col_dir col_dir col_dir col_dir col_dir col_dir col_dir 
col_dir col_dir col_dir col_dir col_dir col_dir col_dir col_dir col_dir 
col_dir col_dir col_dir col_dir col_dir col_dir col_dir col_dir col_dir 
col_dir col_dir col_dir col_dir col_dir col_dir col_dir col_dir col_dir 
col_dir col_dir col_dir col_dir col_dir col_dir col_dir col_dir col_dir 
col_dir col_dir col_dir col_dir col_dir col_dir col_dir col_dir col_dir 
col_dir col_dir col_dir col_dir col_dir col_dir col_dir col_dir col_dir 
col_dir col_dir col_dir col_dir col_dir col_dir col_dir col_dir col_dir 
col_dir col_dir col_dir col_dir col_dir col_dir col_dir col_dir col_dir 
col_dir col_dir col_dir col_dir col_dir col_dir col_dir col_dir col_dir 
col_dir col_dir col_dir col_dir col_dir col_dir col_dir col_dir col_dir 
col_dir col_dir col_dir col_dir col_dir col_dir col_dir col_dir col_dir 
col_dir col_dir col_dir col_dir col_dir col_dir col_dir col_dir col_dir 
col_dir col_dir col_dir col_dir col_dir col_dir col_dir col_dir col_dir 
col_dir col_dir col_dir col_dir col_dir col_dir col_dir col_dir col_dir 
col_dir col_dir col_dir col_dir col_dir col_dir col_dir col_dir col_dir 
col_dir col_dir col_dir col_dir col_dir col_dir col_dir col_dir col_dir 
col_dir col_dir col_dir col_dir col_dir col_dir col_dir col_dir col_dir 
col_dir col_dir col_dir col_dir col_dir col_dir col_dir col_dir col_dir 
col_dir col_dir col_dir col_dir col_dir col_dir col_dir col_dir col_dir 
col_dir col_dir col_dir col_dir col_dir col_dir col_dir col_dir col_dir 
col_dir col_dir col_dir col_dir col_dir col_dir col_dir col_dir col_dir 
col_dir col_dir col_dir col_dir col_dir col_dir col_dir col_dir col_dir 
col_dir col_dir col_dir col_dir col_dir col_dir col_dir col_dir col_dir 
col_dir col_dir col_dir col_dir col_dir col_dir col_dir col_dir col_dir 
col_dir col_dir col_dir col_dir col_dir col_dir col_dir col_dir col_dir 
col_dir col_dir col_dir col_dir col_dir col_dir col_dir col_dir col_dir 
col_dir col_dir col_dir col_dir col_dir col_dir col_dir col_dir col_dir 
col_dir col_dir col_dir
##$VisuAcqEchoTime=( 1 )
1.9948
$$ @vis= VisuAcqSize VisuAcqImageSizeAccellerated VisuAcqImagePhaseEncDir
##$VisuAcquisitionProtocol=( 65 )
<PREinvivoCEST_GFC_20170211(modified)>
##$VisuAcqScanTime=159508
$$ @vis= VisuAcqEchoTime VisuAcquisitionProtocol VisuAcqScanTime
$$ @vis= VisuAcquisition Visu
##END=
