##TITLE=Parameter List
##JCAMPDX=4.24
##DATATYPE=Parameter Values
##ORIGIN=Bruker BioSpin MRI GmbH
##OWNER=gabriela
$$ Sat Apr 22 12:03:19 2017 MST (UT-7h)  gabriela
$$ /opt/PV51/data/gabriela/nmr/GFC_invivo_bGUS_mBG_MP422.H71/4/pdata/1/reco
##$RECO_mode=FT_MODE
##$RecoAutoDerive=Yes
##$RECO_inp_order=NO_REORDERING
##$RECO_inp_size=( 2 )
96 96
##$RECO_ft_size=( 2 )
96 96
##$RECO_fov=( 2 )
4.8 4.8
##$RECO_size=( 2 )
96 96
$$ @vis= RECO_mode RecoAutoDerive RECO_inp_order RECO_ft_size RECO_fov
##$RECO_offset=( 2, 1 )
0 0
##$RECO_regrid_mode=NO_REGRID
##$RECO_regrid_offset=0
##$RECO_ramp_gap=0
##$RECO_ramp_time=0
##$RECO_ne_mode=NO_NAV_DATA
##$RECO_ne_dist=NeNoInterleave
##$RECO_ne_dens=NeCorrPerScan
##$RECO_ne_type=NAV_PHASE
##$RECO_ne_vals=( 1, 2 )
0 0
##$RECO_bc_mode=( 2 )
NO_BC NO_BC
##$RECO_bc_start=( 2 )
72 72
##$RECO_bc_len=( 2 )
24 24
##$RECO_dc_offset=( 2 )
0 0
##$RECO_dc_divisor=1
##$RECO_bc_coroff=( 2 )
0 0
##$RECO_qopts=( 2 )
CONJ_AND_QNEG NO_QOPTS
##$RECO_wdw_mode=( 2 )
NO_WDW NO_WDW
$$ @vis= RECO_size RECO_regrid_mode RECO_ne_mode RECO_bc_mode RECO_qopts
##$RECO_lb=( 2 )
-0.5 -0.5
##$RECO_sw=( 2 )
92592.5925925926 1
##$RECO_gb=( 2 )
0.5 0.5
##$RECO_sbs=( 2 )
1 1
##$RECO_tm1=( 2 )
0.25 0.25
##$RECO_tm2=( 2 )
0.75 0.75
##$RECO_ft_mode=( 2 )
COMPLEX_FT COMPLEX_FT
##$RECO_pc_mode=( 2 )
NO_PC NO_PC
##$RECO_pc_lin=( 2 )
(0, 0) (0, 0)
##$RECO_rotate=( 2, 1 )
0 0.5
##$RECO_ppc_mode=NO_PPC
##$RECO_ref_image=0
##$RECO_nr_supports=0.4
##$RECO_sig_threshold=0.15
##$RECO_ppc_degree=1
##$RECO_ppc_coeffs=( 1, 2, 2 )
0 0 0 0
##$RECO_dc_elim=No
$$ @vis= RECO_wdw_mode RECO_ft_mode RECO_pc_mode RECO_rotate RECO_ppc_mode
##$RECO_transposition=( 1 )
0
##$RECO_image_type=MAGNITUDE_IMAGE
##$RECO_image_threshold=0.15
##$RECO_ir_scale=10
##$RECO_wordtype=_16BIT_SGN_INT
##$RECO_map_mode=ABSOLUTE_MAPPING
$$ @vis= RECO_dc_elim RECO_transposition RECO_image_type RECO_wordtype
##$RECO_map_range=( 2 )
-2147483647 2147483647
##$RECO_map_percentile=( 2 )
1 99.99
##$RECO_map_error=0.0025
##$RECO_globex=( 528 )
0 0 0 0 0 0 0 0 0 0 0 0 0 0 0 0 0 0 0 0 0 0 0 0 0 0 0 0 0 0 0 0 0 0 0 0 0 0 0 
0 0 0 0 0 0 0 0 0 0 0 0 0 0 0 0 0 0 0 0 0 0 0 0 0 0 0 0 0 0 0 0 0 0 0 0 0 0 0 
0 0 0 0 0 0 0 0 0 0 0 0 0 0 0 0 0 0 0 0 0 0 0 0 0 0 0 0 0 0 0 0 0 0 0 0 0 0 0 
0 0 0 0 0 0 0 0 0 0 0 0 0 0 0 0 0 0 0 0 0 0 0 0 0 0 0 0 0 0 0 0 0 0 0 0 0 0 0 
0 0 0 0 0 0 0 0 0 0 0 0 0 0 0 0 0 0 0 0 0 0 0 0 0 0 0 0 0 0 0 0 0 0 0 0 0 0 0 
0 0 0 0 0 0 0 0 0 0 0 0 0 0 0 0 0 0 0 0 0 0 0 0 0 0 0 0 0 0 0 0 0 0 0 0 0 0 0 
0 0 0 0 0 0 0 0 0 0 0 0 0 0 0 0 0 0 0 0 0 0 0 0 0 0 0 0 0 0 0 0 0 0 0 0 0 0 0 
0 0 0 0 0 0 0 0 0 0 0 0 0 0 0 0 0 0 0 0 0 0 0 0 0 0 0 0 0 0 0 0 0 0 0 0 0 0 0 
0 0 0 0 0 0 0 0 0 0 0 0 0 0 0 0 0 0 0 0 0 0 0 0 0 0 0 0 0 0 0 0 0 0 0 0 0 0 0 
0 0 0 0 0 0 0 0 0 0 0 0 0 0 0 0 0 0 0 0 0 0 0 0 0 0 0 0 0 0 0 0 0 0 0 0 0 0 0 
0 0 0 0 0 0 0 0 0 0 0 0 0 0 0 0 0 0 0 0 0 0 0 0 0 0 0 0 0 0 0 0 0 0 0 0 0 0 0 
0 0 0 0 0 0 0 0 0 0 0 0 0 0 0 0 0 0 0 0 0 0 0 0 0 0 0 0 0 0 0 0 0 0 0 0 0 0 0 
0 0 0 0 0 0 0 0 0 0 0 0 0 0 0 0 0 0 0 0 0 0 0 0 0 0 0 0 0 0 0 0 0 0 0 0 0 0 0 
0 0 0 0 0 0 0 0 0 0 0 0 0 0 0 0 0 0 0 0 0
##$RECO_minima=( 528 )
0 0 0 0 0 0 0 0 0 0 0 0 0 0 0 0 0 0 0 0 0 0 0 0 0 0 0 0 0 0 0 0 0 0 0 0 0 0 0 
0 0 0 0 0 0 0 0 0 0 0 0 0 0 0 0 0 0 0 0 0 0 0 0 0 0 0 0 0 0 0 0 0 0 0 0 0 0 0 
0 0 0 0 0 0 0 0 0 0 0 0 0 0 0 0 0 0 0 0 0 0 0 0 0 0 0 0 0 0 0 0 0 0 0 0 0 0 0 
0 0 0 0 0 0 0 0 0 0 0 0 0 0 0 0 0 0 0 0 0 0 0 0 0 0 0 0 0 0 0 0 0 0 0 0 0 0 0 
0 0 0 0 0 0 0 0 0 0 0 0 0 0 0 0 0 0 0 0 0 0 0 0 0 0 0 0 0 0 0 0 0 0 0 0 0 0 0 
0 0 0 0 0 0 0 0 0 0 0 0 0 0 0 0 0 0 0 0 0 0 0 0 0 0 0 0 0 0 0 0 0 0 0 0 0 0 0 
0 0 0 0 0 0 0 0 0 0 0 0 0 0 0 0 0 0 0 0 0 0 0 0 0 0 0 0 0 0 0 0 0 0 0 0 0 0 0 
0 0 0 0 0 0 0 0 0 0 0 0 0 0 0 0 0 0 0 0 0 0 0 0 0 0 0 0 0 0 0 0 0 0 0 0 0 0 0 
0 0 0 0 0 0 0 0 0 0 0 0 0 0 0 0 0 0 0 0 0 0 0 0 0 0 0 0 0 0 0 0 0 0 0 0 0 0 0 
0 0 0 0 0 0 0 0 0 0 0 0 0 0 0 0 0 0 0 0 0 0 0 0 0 0 0 0 0 0 0 0 0 0 0 0 0 0 0 
0 0 0 0 0 0 0 0 0 0 0 0 0 0 0 0 0 0 0 0 0 0 0 0 0 0 0 0 0 0 0 0 0 0 0 0 0 0 0 
0 0 0 0 0 0 0 0 0 0 0 0 0 0 0 0 0 0 0 0 0 0 0 0 0 0 0 0 0 0 0 0 0 0 0 0 0 0 0 
0 0 0 0 0 0 0 0 0 0 0 0 0 0 0 0 0 0 0 0 0 0 0 0 0 0 0 0 0 0 0 0 0 0 0 0 0 0 0 
0 0 0 0 0 0 0 0 0 0 0 0 0 0 0 0 0 0 0 0 0
##$RECO_maxima=( 528 )
32767 27052 26419 27026 26381 27167 26298 27730 26412 26069 24697 23790 23652 
24448 25556 25469 26000 26364 26168 25813 26667 25353 24865 24142 22813 23017 
23364 23520 23188 23142 21443 18427 15004 11421 11458 13078 17759 20651 24031 
24461 25492 25359 27391 26776 26313 26198 26297 26596 26007 26287 26495 25942 
26531 25695 24530 24322 24267 24717 25388 25814 25167 26233 25760 25074 25051 
25403 24485 23446 22161 22446 22745 23254 23502 23427 21292 18760 13876 11567 
11565 13383 17734 20614 22662 24700 26092 26813 26516 26454 27182 26635 26738 
26523 26722 27670 26563 26643 26192 25437 24904 24580 23811 25767 25600 26085 
26145 26565 26608 26666 26618 26267 25938 24096 23332 23519 23746 25413 24330 
23504 22037 19409 14385 11861 11367 13295 18430 21410 24601 26813 28440 29200 
29302 28619 29013 29333 28929 28940 29011 29449 28993 29183 28194 28471 27311 
25585 25366 26913 27756 27724 28133 27344 27991 28435 27961 27789 26444 25248 
24469 24478 25120 26661 24691 24676 23228 19399 14356 12564 11016 14185 18366 
22183 24365 26473 27823 28106 27697 28409 27490 27968 27623 28348 27991 27973 
26883 27095 27659 26446 26233 24115 24220 25485 25776 26642 27011 26836 26859 
26949 26528 26482 26409 24758 23016 23545 24243 23663 23755 23571 21867 17951 
14311 11610 10956 13376 18678 21561 24215 25009 25748 26458 26535 27245 26545 
27206 27005 27292 27985 26466 26354 26638 26581 25052 25093 23927 24309 24677 
24851 25172 25778 25869 26344 25837 26090 26089 25320 23779 22015 22684 23434 
23185 23550 23040 22056 18053 14291 11562 11342 13255 17883 21158 23635 24692 
25275 26334 26471 26118 25922 26946 26395 26209 26413 26176 26350 25896 26276 
24917 24975 23745 24234 24615 25226 25903 26571 26053 25790 25784 26371 25651 
24415 23985 21980 22772 23003 23382 23549 22952 21050 18984 14152 11564 10916 
13171 17774 20984 23704 25232 26488 26716 26666 27157 26838 26573 26809 27136 
27713 27472 26849 27647 26038 26236 26287 24639 24781 25438 26425 26725 26986 
27193 27012 27256 27840 27016 26337 25908 24492 24293 24717 25200 24460 24024 
22172 19857 14080 11972 10949 14188 18877 22520 24724 25729 26955 27835 28594 
28786 29003 28356 28299 28025 27689 27634 27335 28143 27927 27701 26099 24979 
25543 25642 25584 26510 27610 26898 26992 27415 27179 26001 26192 24698 23258 
23517 24502 24413 24446 22704 21271 18270 13687 11613 10829 13658 18588 21674 
24275 26267 26124 26401 27133 27318 27433 27285 27797 27016 27192 26960 26627 
26945 26682 26570 24979 24494 24558 24777 25896 25794 26274 26067 26671 26808 
25747 25460 25189 24256 23207 22747 24023 23945 23879 22412 21805 18879 13706 
11668 11073 14066 17728 22156 22661 24562 25256 25562 26862 26645 27571 26772 
26236 26798 26204 27008 26459 26314 26504 25916 25187 23358 23599 24781 24747 
26131 25419 26569 25920 26180 24815 25644 24713 23242 22459 23009 22785 23622 
23130 22243 21331 18341 13066 11805 11271 13881 17811 21644 23598 24745 25713 
25966 26402 26463 26724 26975 26224 26815 26629 26368 26136 26584 25621 25267 
24646 23228 23890 25108 25922 26685 25849 26037 26469 26423 26101 26243 25301 
24199 22918 23498 23887 24078 23577 23840 22509 18662 13697 11375 11164 14587 
18677 22776 25134 25865 27435 29048 28488 28733
##$RECO_map_min=( 528 )
-1552550 -1552550 -1552550 -1552550 -1552550 -1552550 -1552550 -1552550 
-1552550 -1552550 -1552550 -1552550 -1552550 -1552550 -1552550 -1552550 
-1552550 -1552550 -1552550 -1552550 -1552550 -1552550 -1552550 -1552550 
-1552550 -1552550 -1552550 -1552550 -1552550 -1552550 -1552550 -1552550 
-1552550 -1552550 -1552550 -1552550 -1552550 -1552550 -1552550 -1552550 
-1552550 -1552550 -1552550 -1552550 -1552550 -1552550 -1552550 -1552550 
-1552550 -1552550 -1552550 -1552550 -1552550 -1552550 -1552550 -1552550 
-1552550 -1552550 -1552550 -1552550 -1552550 -1552550 -1552550 -1552550 
-1552550 -1552550 -1552550 -1552550 -1552550 -1552550 -1552550 -1552550 
-1552550 -1552550 -1552550 -1552550 -1552550 -1552550 -1552550 -1552550 
-1552550 -1552550 -1552550 -1552550 -1552550 -1552550 -1552550 -1552550 
-1552550 -1552550 -1552550 -1552550 -1552550 -1552550 -1552550 -1552550 
-1552550 -1552550 -1552550 -1552550 -1552550 -1552550 -1552550 -1552550 
-1552550 -1552550 -1552550 -1552550 -1552550 -1552550 -1552550 -1552550 
-1552550 -1552550 -1552550 -1552550 -1552550 -1552550 -1552550 -1552550 
-1552550 -1552550 -1552550 -1552550 -1552550 -1552550 -1552550 -1552550 
-1552550 -1552550 -1552550 -1552550 -1552550 -1552550 -1552550 -1552550 
-1552550 -1552550 -1552550 -1552550 -1552550 -1552550 -1552550 -1552550 
-1552550 -1552550 -1552550 -1552550 -1552550 -1552550 -1552550 -1552550 
-1552550 -1552550 -1552550 -1552550 -1552550 -1552550 -1552550 -1552550 
-1552550 -1552550 -1552550 -1552550 -1552550 -1552550 -1552550 -1552550 
-1552550 -1552550 -1552550 -1552550 -1552550 -1552550 -1552550 -1552550 
-1552550 -1552550 -1552550 -1552550 -1552550 -1552550 -1552550 -1552550 
-1552550 -1552550 -1552550 -1552550 -1552550 -1552550 -1552550 -1552550 
-1552550 -1552550 -1552550 -1552550 -1552550 -1552550 -1552550 -1552550 
-1552550 -1552550 -1552550 -1552550 -1552550 -1552550 -1552550 -1552550 
-1552550 -1552550 -1552550 -1552550 -1552550 -1552550 -1552550 -1552550 
-1552550 -1552550 -1552550 -1552550 -1552550 -1552550 -1552550 -1552550 
-1552550 -1552550 -1552550 -1552550 -1552550 -1552550 -1552550 -1552550 
-1552550 -1552550 -1552550 -1552550 -1552550 -1552550 -1552550 -1552550 
-1552550 -1552550 -1552550 -1552550 -1552550 -1552550 -1552550 -1552550 
-1552550 -1552550 -1552550 -1552550 -1552550 -1552550 -1552550 -1552550 
-1552550 -1552550 -1552550 -1552550 -1552550 -1552550 -1552550 -1552550 
-1552550 -1552550 -1552550 -1552550 -1552550 -1552550 -1552550 -1552550 
-1552550 -1552550 -1552550 -1552550 -1552550 -1552550 -1552550 -1552550 
-1552550 -1552550 -1552550 -1552550 -1552550 -1552550 -1552550 -1552550 
-1552550 -1552550 -1552550 -1552550 -1552550 -1552550 -1552550 -1552550 
-1552550 -1552550 -1552550 -1552550 -1552550 -1552550 -1552550 -1552550 
-1552550 -1552550 -1552550 -1552550 -1552550 -1552550 -1552550 -1552550 
-1552550 -1552550 -1552550 -1552550 -1552550 -1552550 -1552550 -1552550 
-1552550 -1552550 -1552550 -1552550 -1552550 -1552550 -1552550 -1552550 
-1552550 -1552550 -1552550 -1552550 -1552550 -1552550 -1552550 -1552550 
-1552550 -1552550 -1552550 -1552550 -1552550 -1552550 -1552550 -1552550 
-1552550 -1552550 -1552550 -1552550 -1552550 -1552550 -1552550 -1552550 
-1552550 -1552550 -1552550 -1552550 -1552550 -1552550 -1552550 -1552550 
-1552550 -1552550 -1552550 -1552550 -1552550 -1552550 -1552550 -1552550 
-1552550 -1552550 -1552550 -1552550 -1552550 -1552550 -1552550 -1552550 
-1552550 -1552550 -1552550 -1552550 -1552550 -1552550 -1552550 -1552550 
-1552550 -1552550 -1552550 -1552550 -1552550 -1552550 -1552550 -1552550 
-1552550 -1552550 -1552550 -1552550 -1552550 -1552550 -1552550 -1552550 
-1552550 -1552550 -1552550 -1552550 -1552550 -1552550 -1552550 -1552550 
-1552550 -1552550 -1552550 -1552550 -1552550 -1552550 -1552550 -1552550 
-1552550 -1552550 -1552550 -1552550 -1552550 -1552550 -1552550 -1552550 
-1552550 -1552550 -1552550 -1552550 -1552550 -1552550 -1552550 -1552550 
-1552550 -1552550 -1552550 -1552550 -1552550 -1552550 -1552550 -1552550 
-1552550 -1552550 -1552550 -1552550 -1552550 -1552550 -1552550 -1552550 
-1552550 -1552550 -1552550 -1552550 -1552550 -1552550 -1552550 -1552550 
-1552550 -1552550 -1552550 -1552550 -1552550 -1552550 -1552550 -1552550 
-1552550 -1552550 -1552550 -1552550 -1552550 -1552550 -1552550 -1552550 
-1552550 -1552550 -1552550 -1552550 -1552550 -1552550 -1552550 -1552550 
-1552550 -1552550 -1552550 -1552550 -1552550 -1552550 -1552550 -1552550 
-1552550 -1552550 -1552550 -1552550 -1552550 -1552550 -1552550 -1552550 
-1552550 -1552550 -1552550 -1552550 -1552550 -1552550 -1552550 -1552550 
-1552550 -1552550 -1552550 -1552550 -1552550 -1552550 -1552550 -1552550 
-1552550 -1552550 -1552550 -1552550 -1552550 -1552550 -1552550 -1552550 
-1552550 -1552550 -1552550 -1552550 -1552550 -1552550 -1552550 -1552550
##$RECO_map_max=( 528 )
1552550 1552550 1552550 1552550 1552550 1552550 1552550 1552550 1552550 
1552550 1552550 1552550 1552550 1552550 1552550 1552550 1552550 1552550 
1552550 1552550 1552550 1552550 1552550 1552550 1552550 1552550 1552550 
1552550 1552550 1552550 1552550 1552550 1552550 1552550 1552550 1552550 
1552550 1552550 1552550 1552550 1552550 1552550 1552550 1552550 1552550 
1552550 1552550 1552550 1552550 1552550 1552550 1552550 1552550 1552550 
1552550 1552550 1552550 1552550 1552550 1552550 1552550 1552550 1552550 
1552550 1552550 1552550 1552550 1552550 1552550 1552550 1552550 1552550 
1552550 1552550 1552550 1552550 1552550 1552550 1552550 1552550 1552550 
1552550 1552550 1552550 1552550 1552550 1552550 1552550 1552550 1552550 
1552550 1552550 1552550 1552550 1552550 1552550 1552550 1552550 1552550 
1552550 1552550 1552550 1552550 1552550 1552550 1552550 1552550 1552550 
1552550 1552550 1552550 1552550 1552550 1552550 1552550 1552550 1552550 
1552550 1552550 1552550 1552550 1552550 1552550 1552550 1552550 1552550 
1552550 1552550 1552550 1552550 1552550 1552550 1552550 1552550 1552550 
1552550 1552550 1552550 1552550 1552550 1552550 1552550 1552550 1552550 
1552550 1552550 1552550 1552550 1552550 1552550 1552550 1552550 1552550 
1552550 1552550 1552550 1552550 1552550 1552550 1552550 1552550 1552550 
1552550 1552550 1552550 1552550 1552550 1552550 1552550 1552550 1552550 
1552550 1552550 1552550 1552550 1552550 1552550 1552550 1552550 1552550 
1552550 1552550 1552550 1552550 1552550 1552550 1552550 1552550 1552550 
1552550 1552550 1552550 1552550 1552550 1552550 1552550 1552550 1552550 
1552550 1552550 1552550 1552550 1552550 1552550 1552550 1552550 1552550 
1552550 1552550 1552550 1552550 1552550 1552550 1552550 1552550 1552550 
1552550 1552550 1552550 1552550 1552550 1552550 1552550 1552550 1552550 
1552550 1552550 1552550 1552550 1552550 1552550 1552550 1552550 1552550 
1552550 1552550 1552550 1552550 1552550 1552550 1552550 1552550 1552550 
1552550 1552550 1552550 1552550 1552550 1552550 1552550 1552550 1552550 
1552550 1552550 1552550 1552550 1552550 1552550 1552550 1552550 1552550 
1552550 1552550 1552550 1552550 1552550 1552550 1552550 1552550 1552550 
1552550 1552550 1552550 1552550 1552550 1552550 1552550 1552550 1552550 
1552550 1552550 1552550 1552550 1552550 1552550 1552550 1552550 1552550 
1552550 1552550 1552550 1552550 1552550 1552550 1552550 1552550 1552550 
1552550 1552550 1552550 1552550 1552550 1552550 1552550 1552550 1552550 
1552550 1552550 1552550 1552550 1552550 1552550 1552550 1552550 1552550 
1552550 1552550 1552550 1552550 1552550 1552550 1552550 1552550 1552550 
1552550 1552550 1552550 1552550 1552550 1552550 1552550 1552550 1552550 
1552550 1552550 1552550 1552550 1552550 1552550 1552550 1552550 1552550 
1552550 1552550 1552550 1552550 1552550 1552550 1552550 1552550 1552550 
1552550 1552550 1552550 1552550 1552550 1552550 1552550 1552550 1552550 
1552550 1552550 1552550 1552550 1552550 1552550 1552550 1552550 1552550 
1552550 1552550 1552550 1552550 1552550 1552550 1552550 1552550 1552550 
1552550 1552550 1552550 1552550 1552550 1552550 1552550 1552550 1552550 
1552550 1552550 1552550 1552550 1552550 1552550 1552550 1552550 1552550 
1552550 1552550 1552550 1552550 1552550 1552550 1552550 1552550 1552550 
1552550 1552550 1552550 1552550 1552550 1552550 1552550 1552550 1552550 
1552550 1552550 1552550 1552550 1552550 1552550 1552550 1552550 1552550 
1552550 1552550 1552550 1552550 1552550 1552550 1552550 1552550 1552550 
1552550 1552550 1552550 1552550 1552550 1552550 1552550 1552550 1552550 
1552550 1552550 1552550 1552550 1552550 1552550 1552550 1552550 1552550 
1552550 1552550 1552550 1552550 1552550 1552550 1552550 1552550 1552550 
1552550 1552550 1552550 1552550 1552550 1552550 1552550 1552550 1552550 
1552550 1552550 1552550 1552550 1552550 1552550 1552550 1552550 1552550 
1552550 1552550 1552550 1552550 1552550 1552550 1552550 1552550 1552550 
1552550 1552550 1552550 1552550 1552550 1552550 1552550 1552550 1552550 
1552550 1552550 1552550 1552550 1552550 1552550 1552550 1552550 1552550 
1552550 1552550 1552550 1552550 1552550 1552550 1552550 1552550 1552550 
1552550 1552550 1552550 1552550 1552550 1552550 1552550 1552550 1552550 
1552550 1552550 1552550 1552550 1552550 1552550
$$ @vis= RECO_map_mode RECO_globex RECO_minima RECO_maxima RECO_map_min
##$RECO_map_offset=( 528 )
0 0 0 0 0 0 0 0 0 0 0 0 0 0 0 0 0 0 0 0 0 0 0 0 0 0 0 0 0 0 0 0 0 0 0 0 0 0 0 
0 0 0 0 0 0 0 0 0 0 0 0 0 0 0 0 0 0 0 0 0 0 0 0 0 0 0 0 0 0 0 0 0 0 0 0 0 0 0 
0 0 0 0 0 0 0 0 0 0 0 0 0 0 0 0 0 0 0 0 0 0 0 0 0 0 0 0 0 0 0 0 0 0 0 0 0 0 0 
0 0 0 0 0 0 0 0 0 0 0 0 0 0 0 0 0 0 0 0 0 0 0 0 0 0 0 0 0 0 0 0 0 0 0 0 0 0 0 
0 0 0 0 0 0 0 0 0 0 0 0 0 0 0 0 0 0 0 0 0 0 0 0 0 0 0 0 0 0 0 0 0 0 0 0 0 0 0 
0 0 0 0 0 0 0 0 0 0 0 0 0 0 0 0 0 0 0 0 0 0 0 0 0 0 0 0 0 0 0 0 0 0 0 0 0 0 0 
0 0 0 0 0 0 0 0 0 0 0 0 0 0 0 0 0 0 0 0 0 0 0 0 0 0 0 0 0 0 0 0 0 0 0 0 0 0 0 
0 0 0 0 0 0 0 0 0 0 0 0 0 0 0 0 0 0 0 0 0 0 0 0 0 0 0 0 0 0 0 0 0 0 0 0 0 0 0 
0 0 0 0 0 0 0 0 0 0 0 0 0 0 0 0 0 0 0 0 0 0 0 0 0 0 0 0 0 0 0 0 0 0 0 0 0 0 0 
0 0 0 0 0 0 0 0 0 0 0 0 0 0 0 0 0 0 0 0 0 0 0 0 0 0 0 0 0 0 0 0 0 0 0 0 0 0 0 
0 0 0 0 0 0 0 0 0 0 0 0 0 0 0 0 0 0 0 0 0 0 0 0 0 0 0 0 0 0 0 0 0 0 0 0 0 0 0 
0 0 0 0 0 0 0 0 0 0 0 0 0 0 0 0 0 0 0 0 0 0 0 0 0 0 0 0 0 0 0 0 0 0 0 0 0 0 0 
0 0 0 0 0 0 0 0 0 0 0 0 0 0 0 0 0 0 0 0 0 0 0 0 0 0 0 0 0 0 0 0 0 0 0 0 0 0 0 
0 0 0 0 0 0 0 0 0 0 0 0 0 0 0 0 0 0 0 0 0
##$RECO_map_slope=( 528 )
0.0211052782833576 0.0211052782833576 0.0211052782833576 0.0211052782833576 
0.0211052782833576 0.0211052782833576 0.0211052782833576 0.0211052782833576 
0.0211052782833576 0.0211052782833576 0.0211052782833576 0.0211052782833576 
0.0211052782833576 0.0211052782833576 0.0211052782833576 0.0211052782833576 
0.0211052782833576 0.0211052782833576 0.0211052782833576 0.0211052782833576 
0.0211052782833576 0.0211052782833576 0.0211052782833576 0.0211052782833576 
0.0211052782833576 0.0211052782833576 0.0211052782833576 0.0211052782833576 
0.0211052782833576 0.0211052782833576 0.0211052782833576 0.0211052782833576 
0.0211052782833576 0.0211052782833576 0.0211052782833576 0.0211052782833576 
0.0211052782833576 0.0211052782833576 0.0211052782833576 0.0211052782833576 
0.0211052782833576 0.0211052782833576 0.0211052782833576 0.0211052782833576 
0.0211052782833576 0.0211052782833576 0.0211052782833576 0.0211052782833576 
0.0211052782833576 0.0211052782833576 0.0211052782833576 0.0211052782833576 
0.0211052782833576 0.0211052782833576 0.0211052782833576 0.0211052782833576 
0.0211052782833576 0.0211052782833576 0.0211052782833576 0.0211052782833576 
0.0211052782833576 0.0211052782833576 0.0211052782833576 0.0211052782833576 
0.0211052782833576 0.0211052782833576 0.0211052782833576 0.0211052782833576 
0.0211052782833576 0.0211052782833576 0.0211052782833576 0.0211052782833576 
0.0211052782833576 0.0211052782833576 0.0211052782833576 0.0211052782833576 
0.0211052782833576 0.0211052782833576 0.0211052782833576 0.0211052782833576 
0.0211052782833576 0.0211052782833576 0.0211052782833576 0.0211052782833576 
0.0211052782833576 0.0211052782833576 0.0211052782833576 0.0211052782833576 
0.0211052782833576 0.0211052782833576 0.0211052782833576 0.0211052782833576 
0.0211052782833576 0.0211052782833576 0.0211052782833576 0.0211052782833576 
0.0211052782833576 0.0211052782833576 0.0211052782833576 0.0211052782833576 
0.0211052782833576 0.0211052782833576 0.0211052782833576 0.0211052782833576 
0.0211052782833576 0.0211052782833576 0.0211052782833576 0.0211052782833576 
0.0211052782833576 0.0211052782833576 0.0211052782833576 0.0211052782833576 
0.0211052782833576 0.0211052782833576 0.0211052782833576 0.0211052782833576 
0.0211052782833576 0.0211052782833576 0.0211052782833576 0.0211052782833576 
0.0211052782833576 0.0211052782833576 0.0211052782833576 0.0211052782833576 
0.0211052782833576 0.0211052782833576 0.0211052782833576 0.0211052782833576 
0.0211052782833576 0.0211052782833576 0.0211052782833576 0.0211052782833576 
0.0211052782833576 0.0211052782833576 0.0211052782833576 0.0211052782833576 
0.0211052782833576 0.0211052782833576 0.0211052782833576 0.0211052782833576 
0.0211052782833576 0.0211052782833576 0.0211052782833576 0.0211052782833576 
0.0211052782833576 0.0211052782833576 0.0211052782833576 0.0211052782833576 
0.0211052782833576 0.0211052782833576 0.0211052782833576 0.0211052782833576 
0.0211052782833576 0.0211052782833576 0.0211052782833576 0.0211052782833576 
0.0211052782833576 0.0211052782833576 0.0211052782833576 0.0211052782833576 
0.0211052782833576 0.0211052782833576 0.0211052782833576 0.0211052782833576 
0.0211052782833576 0.0211052782833576 0.0211052782833576 0.0211052782833576 
0.0211052782833576 0.0211052782833576 0.0211052782833576 0.0211052782833576 
0.0211052782833576 0.0211052782833576 0.0211052782833576 0.0211052782833576 
0.0211052782833576 0.0211052782833576 0.0211052782833576 0.0211052782833576 
0.0211052782833576 0.0211052782833576 0.0211052782833576 0.0211052782833576 
0.0211052782833576 0.0211052782833576 0.0211052782833576 0.0211052782833576 
0.0211052782833576 0.0211052782833576 0.0211052782833576 0.0211052782833576 
0.0211052782833576 0.0211052782833576 0.0211052782833576 0.0211052782833576 
0.0211052782833576 0.0211052782833576 0.0211052782833576 0.0211052782833576 
0.0211052782833576 0.0211052782833576 0.0211052782833576 0.0211052782833576 
0.0211052782833576 0.0211052782833576 0.0211052782833576 0.0211052782833576 
0.0211052782833576 0.0211052782833576 0.0211052782833576 0.0211052782833576 
0.0211052782833576 0.0211052782833576 0.0211052782833576 0.0211052782833576 
0.0211052782833576 0.0211052782833576 0.0211052782833576 0.0211052782833576 
0.0211052782833576 0.0211052782833576 0.0211052782833576 0.0211052782833576 
0.0211052782833576 0.0211052782833576 0.0211052782833576 0.0211052782833576 
0.0211052782833576 0.0211052782833576 0.0211052782833576 0.0211052782833576 
0.0211052782833576 0.0211052782833576 0.0211052782833576 0.0211052782833576 
0.0211052782833576 0.0211052782833576 0.0211052782833576 0.0211052782833576 
0.0211052782833576 0.0211052782833576 0.0211052782833576 0.0211052782833576 
0.0211052782833576 0.0211052782833576 0.0211052782833576 0.0211052782833576 
0.0211052782833576 0.0211052782833576 0.0211052782833576 0.0211052782833576 
0.0211052782833576 0.0211052782833576 0.0211052782833576 0.0211052782833576 
0.0211052782833576 0.0211052782833576 0.0211052782833576 0.0211052782833576 
0.0211052782833576 0.0211052782833576 0.0211052782833576 0.0211052782833576 
0.0211052782833576 0.0211052782833576 0.0211052782833576 0.0211052782833576 
0.0211052782833576 0.0211052782833576 0.0211052782833576 0.0211052782833576 
0.0211052782833576 0.0211052782833576 0.0211052782833576 0.0211052782833576 
0.0211052782833576 0.0211052782833576 0.0211052782833576 0.0211052782833576 
0.0211052782833576 0.0211052782833576 0.0211052782833576 0.0211052782833576 
0.0211052782833576 0.0211052782833576 0.0211052782833576 0.0211052782833576 
0.0211052782833576 0.0211052782833576 0.0211052782833576 0.0211052782833576 
0.0211052782833576 0.0211052782833576 0.0211052782833576 0.0211052782833576 
0.0211052782833576 0.0211052782833576 0.0211052782833576 0.0211052782833576 
0.0211052782833576 0.0211052782833576 0.0211052782833576 0.0211052782833576 
0.0211052782833576 0.0211052782833576 0.0211052782833576 0.0211052782833576 
0.0211052782833576 0.0211052782833576 0.0211052782833576 0.0211052782833576 
0.0211052782833576 0.0211052782833576 0.0211052782833576 0.0211052782833576 
0.0211052782833576 0.0211052782833576 0.0211052782833576 0.0211052782833576 
0.0211052782833576 0.0211052782833576 0.0211052782833576 0.0211052782833576 
0.0211052782833576 0.0211052782833576 0.0211052782833576 0.0211052782833576 
0.0211052782833576 0.0211052782833576 0.0211052782833576 0.0211052782833576 
0.0211052782833576 0.0211052782833576 0.0211052782833576 0.0211052782833576 
0.0211052782833576 0.0211052782833576 0.0211052782833576 0.0211052782833576 
0.0211052782833576 0.0211052782833576 0.0211052782833576 0.0211052782833576 
0.0211052782833576 0.0211052782833576 0.0211052782833576 0.0211052782833576 
0.0211052782833576 0.0211052782833576 0.0211052782833576 0.0211052782833576 
0.0211052782833576 0.0211052782833576 0.0211052782833576 0.0211052782833576 
0.0211052782833576 0.0211052782833576 0.0211052782833576 0.0211052782833576 
0.0211052782833576 0.0211052782833576 0.0211052782833576 0.0211052782833576 
0.0211052782833576 0.0211052782833576 0.0211052782833576 0.0211052782833576 
0.0211052782833576 0.0211052782833576 0.0211052782833576 0.0211052782833576 
0.0211052782833576 0.0211052782833576 0.0211052782833576 0.0211052782833576 
0.0211052782833576 0.0211052782833576 0.0211052782833576 0.0211052782833576 
0.0211052782833576 0.0211052782833576 0.0211052782833576 0.0211052782833576 
0.0211052782833576 0.0211052782833576 0.0211052782833576 0.0211052782833576 
0.0211052782833576 0.0211052782833576 0.0211052782833576 0.0211052782833576 
0.0211052782833576 0.0211052782833576 0.0211052782833576 0.0211052782833576 
0.0211052782833576 0.0211052782833576 0.0211052782833576 0.0211052782833576 
0.0211052782833576 0.0211052782833576 0.0211052782833576 0.0211052782833576 
0.0211052782833576 0.0211052782833576 0.0211052782833576 0.0211052782833576 
0.0211052782833576 0.0211052782833576 0.0211052782833576 0.0211052782833576 
0.0211052782833576 0.0211052782833576 0.0211052782833576 0.0211052782833576 
0.0211052782833576 0.0211052782833576 0.0211052782833576 0.0211052782833576 
0.0211052782833576 0.0211052782833576 0.0211052782833576 0.0211052782833576 
0.0211052782833576 0.0211052782833576 0.0211052782833576 0.0211052782833576 
0.0211052782833576 0.0211052782833576 0.0211052782833576 0.0211052782833576 
0.0211052782833576 0.0211052782833576 0.0211052782833576 0.0211052782833576 
0.0211052782833576 0.0211052782833576 0.0211052782833576 0.0211052782833576 
0.0211052782833576 0.0211052782833576 0.0211052782833576 0.0211052782833576 
0.0211052782833576 0.0211052782833576 0.0211052782833576 0.0211052782833576 
0.0211052782833576 0.0211052782833576 0.0211052782833576 0.0211052782833576 
0.0211052782833576 0.0211052782833576 0.0211052782833576 0.0211052782833576 
0.0211052782833576 0.0211052782833576 0.0211052782833576 0.0211052782833576 
0.0211052782833576 0.0211052782833576 0.0211052782833576 0.0211052782833576 
0.0211052782833576 0.0211052782833576 0.0211052782833576 0.0211052782833576 
0.0211052782833576 0.0211052782833576 0.0211052782833576 0.0211052782833576 
0.0211052782833576 0.0211052782833576 0.0211052782833576 0.0211052782833576 
0.0211052782833576 0.0211052782833576 0.0211052782833576 0.0211052782833576 
0.0211052782833576 0.0211052782833576 0.0211052782833576 0.0211052782833576 
0.0211052782833576 0.0211052782833576 0.0211052782833576 0.0211052782833576 
0.0211052782833576 0.0211052782833576 0.0211052782833576 0.0211052782833576 
0.0211052782833576 0.0211052782833576 0.0211052782833576 0.0211052782833576 
0.0211052782833576 0.0211052782833576 0.0211052782833576 0.0211052782833576 
0.0211052782833576 0.0211052782833576 0.0211052782833576 0.0211052782833576 
0.0211052782833576 0.0211052782833576 0.0211052782833576 0.0211052782833576 
0.0211052782833576 0.0211052782833576 0.0211052782833576 0.0211052782833576 
0.0211052782833576 0.0211052782833576 0.0211052782833576 0.0211052782833576 
0.0211052782833576 0.0211052782833576 0.0211052782833576 0.0211052782833576 
0.0211052782833576 0.0211052782833576 0.0211052782833576 0.0211052782833576 
0.0211052782833576 0.0211052782833576 0.0211052782833576 0.0211052782833576
##$RECO_byte_order=littleEndian
##$RECO_time=( 24 )
<11:13:53 22 Apr 2017>
##$RECO_abs_time=1492884833
$$ @vis= RECO_map_max RECO_map_offset RECO_map_slope RECO_byte_order RECO_time
##$RECO_base_image_uid=( 65 )
<2.16.756.5.5.100.4167689927.20267.1492887799.794>
##$GS_reco_display=Yes
$$ @vis= RECO_abs_time RECO_base_image_uid RecoRegridNGroup GS_reco_display
##$GO_reco_display=Yes
##$GO_reco_each_nr=No
##$GO_max_reco_mem=0
$$ @vis= RECO_GS GO_reco_display GO_reco_each_nr GO_max_reco_mem RECO_GO RECO
##END=
