##TITLE=Parameter List
##JCAMPDX=4.24
##DATATYPE=Parameter Values
##ORIGIN=Bruker BioSpin MRI GmbH
##OWNER=gabriela
$$ Sat Apr 22 14:01:36 2017 MST (UT-7h)  gabriela
$$ /opt/PV51/data/gabriela/nmr/GFC_invivo_bGUS_MP422.H71/4/pdata/1/visu_pars
##$VisuVersion=1
##$VisuUid=( 65 )
<2.16.756.5.5.100.4167689927.20267.1492894896.1588>
##$VisuCreator=( 65 )
<ParaVision>
##$VisuCreatorVersion=( 65 )
<5.1>
##$VisuCreationDate=( 21 )
<13:12:10 22 Apr 2017>
$$ @vis= VisuVersion VisuUid VisuCreator VisuCreatorVersion VisuCreationDate
##$VisuCoreFrameCount=528
##$VisuCoreDim=2
##$VisuCoreSize=( 2 )
96 96
##$VisuCoreDimDesc=( 2 )
spatial spatial
$$ @vis= VisuInstance VisuCoreFrameCount VisuCoreDim VisuCoreSize
##$VisuCoreExtent=( 2 )
48 48
##$VisuCoreFrameThickness=( 1 )
2
##$VisuCoreUnits=( 2, 65 )
<mm> <mm>
##$VisuCoreOrientation=( 1, 9 )
1 0 0 0 1 0 0 0 1
$$ @vis= VisuCoreDimDesc VisuCoreExtent VisuCoreFrameThickness VisuCoreUnits
##$VisuCorePosition=( 1, 3 )
-29.6 -33.6 9
##$VisuCoreDataMin=( 528 )
0 0 0 0 0 0 0 0 0 0 0 0 0 0 0 0 0 0 0 0 0 0 0 0 0 0 0 0 0 0 0 0 0 0 0 0 0 0 0 
0 0 0 0 0 0 0 0 0 0 0 0 0 0 0 0 0 0 0 0 0 0 0 0 0 0 0 0 0 0 0 0 0 0 0 0 0 0 0 
0 0 0 0 0 0 0 0 0 0 0 0 0 0 0 0 0 0 0 0 0 0 0 0 0 0 0 0 0 0 0 0 0 0 0 0 0 0 0 
0 0 0 0 0 0 0 0 0 0 0 0 0 0 0 0 0 0 0 0 0 0 0 0 0 0 0 0 0 0 0 0 0 0 0 0 0 0 0 
0 0 0 0 0 0 0 0 0 0 0 0 0 0 0 0 0 0 0 0 0 0 0 0 0 0 0 0 0 0 0 0 0 0 0 0 0 0 0 
0 0 0 0 0 0 0 0 0 0 0 0 0 0 0 0 0 0 0 0 0 0 0 0 0 0 0 0 0 0 0 0 0 0 0 0 0 0 0 
0 0 0 0 0 0 0 0 0 0 0 0 0 0 0 0 0 0 0 0 0 0 0 0 0 0 0 0 0 0 0 0 0 0 0 0 0 0 0 
0 0 0 0 0 0 0 0 0 0 0 0 0 0 0 0 0 0 0 0 0 0 0 0 0 0 0 0 0 0 0 0 0 0 0 0 0 0 0 
0 0 0 0 0 0 0 0 0 0 0 0 0 0 0 0 0 0 0 0 0 0 0 0 0 0 0 0 0 0 0 0 0 0 0 0 0 0 0 
0 0 0 0 0 0 0 0 0 0 0 0 0 0 0 0 0 0 0 0 0 0 0 0 0 0 0 0 0 0 0 0 0 0 0 0 0 0 0 
0 0 0 0 0 0 0 0 0 0 0 0 0 0 0 0 0 0 0 0 0 0 0 0 0 0 0 0 0 0 0 0 0 0 0 0 0 0 0 
0 0 0 0 0 0 0 0 0 0 0 0 0 0 0 0 0 0 0 0 0 0 0 0 0 0 0 0 0 0 0 0 0 0 0 0 0 0 0 
0 0 0 0 0 0 0 0 0 0 0 0 0 0 0 0 0 0 0 0 0 0 0 0 0 0 0 0 0 0 0 0 0 0 0 0 0 0 0 
0 0 0 0 0 0 0 0 0 0 0 0 0 0 0 0 0 0 0 0 0
##$VisuCoreDataMax=( 528 )
32183 25764 25828 24659 26121 25422 25654 25548 25736 25769 26002 25501 28094 
25356 25390 25797 25346 24926 24796 24515 24769 23674 22176 22590 22670 22299 
23031 22058 21979 21093 18266 15373 11685 13017 12526 15851 19931 22412 23878 
25003 24908 26054 26266 27175 28585 26348 26710 26185 28572 25717 25836 26902 
27282 25431 26345 25603 25669 27908 27342 27529 25663 26581 25938 25654 25538 
25123 23513 22393 22598 23969 23409 22883 23056 21518 18852 16858 12239 13173 
13728 15995 20432 23292 24482 25075 25739 27703 27814 27933 26827 28003 26711 
27478 26981 27033 26957 26778 27597 26643 26045 26367 26040 26900 26145 25444 
25558 27428 25982 25669 25227 25109 23685 23073 22964 23868 23351 24183 22428 
22070 18754 15637 12877 12607 13461 16288 21199 23053 24047 24570 25737 26502 
27959 28238 27666 28749 27035 27275 27333 26657 27754 26747 26611 26174 27375 
26714 26474 25648 27614 28150 26756 25253 26186 25505 25682 24497 23596 22652 
23097 23174 23744 22740 22150 21151 19059 15243 12893 13779 12645 16059 20410 
22878 23734 24992 25375 26207 26736 27683 29271 27314 27104 27614 26971 27477 
28235 27104 26154 26642 27313 26251 26569 28301 26015 26128 25922 25571 24934 
25352 24681 24604 23416 21999 23015 23063 23778 22732 21866 20556 18675 15341 
11934 13189 13226 16273 19947 22502 24054 24232 25162 25861 26693 28537 26871 
27399 26946 28231 27083 28589 26825 26648 27568 26421 28912 25734 26639 25528 
25920 24837 25423 26335 25355 24827 25321 24253 22660 21978 22134 22652 22751 
22480 21906 20366 18867 15329 12186 12367 12905 15672 19745 22276 22811 23765 
24407 27117 26713 27414 30264 27081 27468 27152 27270 27843 26890 27475 30903 
26989 26889 26494 26475 25956 28447 26046 26245 26161 25055 28832 24294 24563 
23259 22579 21790 22318 22326 21950 21370 20491 18305 14506 13195 13002 12851 
15416 19470 22227 23300 23858 24563 26413 27479 28906 28674 27930 32766 27739 
28000 26895 27914 28287 27989 26848 27711 26835 27393 31384 29523 26810 26643 
25492 25406 25873 24838 23858 23523 22407 22522 22965 22687 22113 21711 20835 
18494 15845 11724 13152 12736 16667 20068 22806 23453 24137 24683 26309 28192 
29434 28444 29260 29504 29689 28359 28178 28211 29431 28925 28156 27517 27127 
27548 27677 26792 27716 27390 26969 25503 25151 26089 24689 24732 22808 23583 
24266 23871 22855 23002 20953 18843 15544 12657 12613 12384 16757 21367 22642 
24289 25443 25965 27032 29813 29314 29396 29786 28835 29863 29494 28565 29811 
29876 29405 28158 29081 28473 29481 28252 29774 27906 28539 27370 26316 27388 
26860 25779 24610 25163 23474 23793 24038 23161 22693 21021 19239 16146 12959 
12520 12957 16621 21921 23522 24344 24916 25344 28207 30710 29920 32167 29357 
30540 31531 31201 30646 30563 31160 30300 30291 29805 31100 29636 30004 29644 
29195 29075 30454 27421 27372 27224 24863 23403 25487 25359 23629 24063 23152 
22599 20493 18897 15048 12767 13236 12666 16342 20600 23128 24088 24440 26330 
29945 30592 31445 31882 31290 31197 32602 32428 31445 31539 31025 30994 30800 
29387 30383 31055 30526 30005 29834 29490 29562 28938 28487 28719 26738 24186 
25916 25048 23761 23172 22869 21900 21203 18505 15559 14166 13089 12226 17196 
20498 22417 23863 24422 24674 29413 30607 30815
##$VisuCoreDataOffs=( 528 )
0 0 0 0 0 0 0 0 0 0 0 0 0 0 0 0 0 0 0 0 0 0 0 0 0 0 0 0 0 0 0 0 0 0 0 0 0 0 0 
0 0 0 0 0 0 0 0 0 0 0 0 0 0 0 0 0 0 0 0 0 0 0 0 0 0 0 0 0 0 0 0 0 0 0 0 0 0 0 
0 0 0 0 0 0 0 0 0 0 0 0 0 0 0 0 0 0 0 0 0 0 0 0 0 0 0 0 0 0 0 0 0 0 0 0 0 0 0 
0 0 0 0 0 0 0 0 0 0 0 0 0 0 0 0 0 0 0 0 0 0 0 0 0 0 0 0 0 0 0 0 0 0 0 0 0 0 0 
0 0 0 0 0 0 0 0 0 0 0 0 0 0 0 0 0 0 0 0 0 0 0 0 0 0 0 0 0 0 0 0 0 0 0 0 0 0 0 
0 0 0 0 0 0 0 0 0 0 0 0 0 0 0 0 0 0 0 0 0 0 0 0 0 0 0 0 0 0 0 0 0 0 0 0 0 0 0 
0 0 0 0 0 0 0 0 0 0 0 0 0 0 0 0 0 0 0 0 0 0 0 0 0 0 0 0 0 0 0 0 0 0 0 0 0 0 0 
0 0 0 0 0 0 0 0 0 0 0 0 0 0 0 0 0 0 0 0 0 0 0 0 0 0 0 0 0 0 0 0 0 0 0 0 0 0 0 
0 0 0 0 0 0 0 0 0 0 0 0 0 0 0 0 0 0 0 0 0 0 0 0 0 0 0 0 0 0 0 0 0 0 0 0 0 0 0 
0 0 0 0 0 0 0 0 0 0 0 0 0 0 0 0 0 0 0 0 0 0 0 0 0 0 0 0 0 0 0 0 0 0 0 0 0 0 0 
0 0 0 0 0 0 0 0 0 0 0 0 0 0 0 0 0 0 0 0 0 0 0 0 0 0 0 0 0 0 0 0 0 0 0 0 0 0 0 
0 0 0 0 0 0 0 0 0 0 0 0 0 0 0 0 0 0 0 0 0 0 0 0 0 0 0 0 0 0 0 0 0 0 0 0 0 0 0 
0 0 0 0 0 0 0 0 0 0 0 0 0 0 0 0 0 0 0 0 0 0 0 0 0 0 0 0 0 0 0 0 0 0 0 0 0 0 0 
0 0 0 0 0 0 0 0 0 0 0 0 0 0 0 0 0 0 0 0 0
$$ @vis= VisuCoreOrientation VisuCorePosition VisuCoreDataMin VisuCoreDataMax
##$VisuCoreDataSlope=( 528 )
43.148809895525 43.148809895525 43.148809895525 43.148809895525 
43.148809895525 43.148809895525 43.148809895525 43.148809895525 
43.148809895525 43.148809895525 43.148809895525 43.148809895525 
43.148809895525 43.148809895525 43.148809895525 43.148809895525 
43.148809895525 43.148809895525 43.148809895525 43.148809895525 
43.148809895525 43.148809895525 43.148809895525 43.148809895525 
43.148809895525 43.148809895525 43.148809895525 43.148809895525 
43.148809895525 43.148809895525 43.148809895525 43.148809895525 
43.148809895525 43.148809895525 43.148809895525 43.148809895525 
43.148809895525 43.148809895525 43.148809895525 43.148809895525 
43.148809895525 43.148809895525 43.148809895525 43.148809895525 
43.148809895525 43.148809895525 43.148809895525 43.148809895525 
43.148809895525 43.148809895525 43.148809895525 43.148809895525 
43.148809895525 43.148809895525 43.148809895525 43.148809895525 
43.148809895525 43.148809895525 43.148809895525 43.148809895525 
43.148809895525 43.148809895525 43.148809895525 43.148809895525 
43.148809895525 43.148809895525 43.148809895525 43.148809895525 
43.148809895525 43.148809895525 43.148809895525 43.148809895525 
43.148809895525 43.148809895525 43.148809895525 43.148809895525 
43.148809895525 43.148809895525 43.148809895525 43.148809895525 
43.148809895525 43.148809895525 43.148809895525 43.148809895525 
43.148809895525 43.148809895525 43.148809895525 43.148809895525 
43.148809895525 43.148809895525 43.148809895525 43.148809895525 
43.148809895525 43.148809895525 43.148809895525 43.148809895525 
43.148809895525 43.148809895525 43.148809895525 43.148809895525 
43.148809895525 43.148809895525 43.148809895525 43.148809895525 
43.148809895525 43.148809895525 43.148809895525 43.148809895525 
43.148809895525 43.148809895525 43.148809895525 43.148809895525 
43.148809895525 43.148809895525 43.148809895525 43.148809895525 
43.148809895525 43.148809895525 43.148809895525 43.148809895525 
43.148809895525 43.148809895525 43.148809895525 43.148809895525 
43.148809895525 43.148809895525 43.148809895525 43.148809895525 
43.148809895525 43.148809895525 43.148809895525 43.148809895525 
43.148809895525 43.148809895525 43.148809895525 43.148809895525 
43.148809895525 43.148809895525 43.148809895525 43.148809895525 
43.148809895525 43.148809895525 43.148809895525 43.148809895525 
43.148809895525 43.148809895525 43.148809895525 43.148809895525 
43.148809895525 43.148809895525 43.148809895525 43.148809895525 
43.148809895525 43.148809895525 43.148809895525 43.148809895525 
43.148809895525 43.148809895525 43.148809895525 43.148809895525 
43.148809895525 43.148809895525 43.148809895525 43.148809895525 
43.148809895525 43.148809895525 43.148809895525 43.148809895525 
43.148809895525 43.148809895525 43.148809895525 43.148809895525 
43.148809895525 43.148809895525 43.148809895525 43.148809895525 
43.148809895525 43.148809895525 43.148809895525 43.148809895525 
43.148809895525 43.148809895525 43.148809895525 43.148809895525 
43.148809895525 43.148809895525 43.148809895525 43.148809895525 
43.148809895525 43.148809895525 43.148809895525 43.148809895525 
43.148809895525 43.148809895525 43.148809895525 43.148809895525 
43.148809895525 43.148809895525 43.148809895525 43.148809895525 
43.148809895525 43.148809895525 43.148809895525 43.148809895525 
43.148809895525 43.148809895525 43.148809895525 43.148809895525 
43.148809895525 43.148809895525 43.148809895525 43.148809895525 
43.148809895525 43.148809895525 43.148809895525 43.148809895525 
43.148809895525 43.148809895525 43.148809895525 43.148809895525 
43.148809895525 43.148809895525 43.148809895525 43.148809895525 
43.148809895525 43.148809895525 43.148809895525 43.148809895525 
43.148809895525 43.148809895525 43.148809895525 43.148809895525 
43.148809895525 43.148809895525 43.148809895525 43.148809895525 
43.148809895525 43.148809895525 43.148809895525 43.148809895525 
43.148809895525 43.148809895525 43.148809895525 43.148809895525 
43.148809895525 43.148809895525 43.148809895525 43.148809895525 
43.148809895525 43.148809895525 43.148809895525 43.148809895525 
43.148809895525 43.148809895525 43.148809895525 43.148809895525 
43.148809895525 43.148809895525 43.148809895525 43.148809895525 
43.148809895525 43.148809895525 43.148809895525 43.148809895525 
43.148809895525 43.148809895525 43.148809895525 43.148809895525 
43.148809895525 43.148809895525 43.148809895525 43.148809895525 
43.148809895525 43.148809895525 43.148809895525 43.148809895525 
43.148809895525 43.148809895525 43.148809895525 43.148809895525 
43.148809895525 43.148809895525 43.148809895525 43.148809895525 
43.148809895525 43.148809895525 43.148809895525 43.148809895525 
43.148809895525 43.148809895525 43.148809895525 43.148809895525 
43.148809895525 43.148809895525 43.148809895525 43.148809895525 
43.148809895525 43.148809895525 43.148809895525 43.148809895525 
43.148809895525 43.148809895525 43.148809895525 43.148809895525 
43.148809895525 43.148809895525 43.148809895525 43.148809895525 
43.148809895525 43.148809895525 43.148809895525 43.148809895525 
43.148809895525 43.148809895525 43.148809895525 43.148809895525 
43.148809895525 43.148809895525 43.148809895525 43.148809895525 
43.148809895525 43.148809895525 43.148809895525 43.148809895525 
43.148809895525 43.148809895525 43.148809895525 43.148809895525 
43.148809895525 43.148809895525 43.148809895525 43.148809895525 
43.148809895525 43.148809895525 43.148809895525 43.148809895525 
43.148809895525 43.148809895525 43.148809895525 43.148809895525 
43.148809895525 43.148809895525 43.148809895525 43.148809895525 
43.148809895525 43.148809895525 43.148809895525 43.148809895525 
43.148809895525 43.148809895525 43.148809895525 43.148809895525 
43.148809895525 43.148809895525 43.148809895525 43.148809895525 
43.148809895525 43.148809895525 43.148809895525 43.148809895525 
43.148809895525 43.148809895525 43.148809895525 43.148809895525 
43.148809895525 43.148809895525 43.148809895525 43.148809895525 
43.148809895525 43.148809895525 43.148809895525 43.148809895525 
43.148809895525 43.148809895525 43.148809895525 43.148809895525 
43.148809895525 43.148809895525 43.148809895525 43.148809895525 
43.148809895525 43.148809895525 43.148809895525 43.148809895525 
43.148809895525 43.148809895525 43.148809895525 43.148809895525 
43.148809895525 43.148809895525 43.148809895525 43.148809895525 
43.148809895525 43.148809895525 43.148809895525 43.148809895525 
43.148809895525 43.148809895525 43.148809895525 43.148809895525 
43.148809895525 43.148809895525 43.148809895525 43.148809895525 
43.148809895525 43.148809895525 43.148809895525 43.148809895525 
43.148809895525 43.148809895525 43.148809895525 43.148809895525 
43.148809895525 43.148809895525 43.148809895525 43.148809895525 
43.148809895525 43.148809895525 43.148809895525 43.148809895525 
43.148809895525 43.148809895525 43.148809895525 43.148809895525 
43.148809895525 43.148809895525 43.148809895525 43.148809895525 
43.148809895525 43.148809895525 43.148809895525 43.148809895525 
43.148809895525 43.148809895525 43.148809895525 43.148809895525 
43.148809895525 43.148809895525 43.148809895525 43.148809895525 
43.148809895525 43.148809895525 43.148809895525 43.148809895525 
43.148809895525 43.148809895525 43.148809895525 43.148809895525 
43.148809895525 43.148809895525 43.148809895525 43.148809895525 
43.148809895525 43.148809895525 43.148809895525 43.148809895525 
43.148809895525 43.148809895525 43.148809895525 43.148809895525 
43.148809895525 43.148809895525 43.148809895525 43.148809895525 
43.148809895525 43.148809895525 43.148809895525 43.148809895525 
43.148809895525 43.148809895525 43.148809895525 43.148809895525 
43.148809895525 43.148809895525 43.148809895525 43.148809895525 
43.148809895525 43.148809895525 43.148809895525 43.148809895525 
43.148809895525 43.148809895525 43.148809895525 43.148809895525 
43.148809895525 43.148809895525 43.148809895525 43.148809895525 
43.148809895525 43.148809895525 43.148809895525 43.148809895525 
43.148809895525 43.148809895525 43.148809895525 43.148809895525 
43.148809895525 43.148809895525 43.148809895525 43.148809895525 
43.148809895525 43.148809895525 43.148809895525 43.148809895525 
43.148809895525 43.148809895525 43.148809895525 43.148809895525 
43.148809895525 43.148809895525 43.148809895525 43.148809895525 
43.148809895525 43.148809895525 43.148809895525 43.148809895525 
43.148809895525 43.148809895525 43.148809895525 43.148809895525 
43.148809895525 43.148809895525 43.148809895525 43.148809895525 
43.148809895525 43.148809895525 43.148809895525 43.148809895525
##$VisuCoreFrameType=MAGNITUDE_IMAGE
##$VisuFGElemComment=( 44, 65 )
<VCEST=  4800.0Hz> <VCEST=  4260.0Hz> <VCEST=  4140.0Hz> <VCEST=  4020.0Hz> <
VCEST=  3900.0Hz> <VCEST=  3780.0Hz> <VCEST=  3660.0Hz> <VCEST=  3540.0Hz> <
VCEST=  3420.0Hz> <VCEST=  3300.0Hz> <VCEST=  3180.0Hz> <VCEST=  3060.0Hz> <
VCEST=  2940.0Hz> <VCEST=  2820.0Hz> <VCEST=  2700.0Hz> <VCEST=  2580.0Hz> <
VCEST=  2460.0Hz> <VCEST=  2340.0Hz> <VCEST=  2220.0Hz> <VCEST=  2100.0Hz> <
VCEST=  1980.0Hz> <VCEST=  1860.0Hz> <VCEST=  1740.0Hz> <VCEST=  1620.0Hz> <
VCEST=  1500.0Hz> <VCEST=  1380.0Hz> <VCEST=  1260.0Hz> <VCEST=  1140.0Hz> <
VCEST=  1020.0Hz> <VCEST=   900.0Hz> <VCEST=   750.0Hz> <VCEST=   600.0Hz> <
VCEST=   450.0Hz> <VCEST=   300.0Hz> <VCEST=   150.0Hz> <VCEST=     0.0Hz> <
VCEST=  -150.0Hz> <VCEST=  -300.0Hz> <VCEST=  -450.0Hz> <VCEST=  -600.0Hz> <
VCEST=  -900.0Hz> <VCEST= -1800.0Hz> <VCEST= -2700.0Hz> <VCEST= -3600.0Hz>
$$ @vis= VisuCoreDataOffs VisuCoreDataSlope VisuCoreFrameType
##$VisuCoreWordType=_16BIT_SGN_INT
##$VisuCoreByteOrder=littleEndian
$$ @vis= VisuFGElemComment VisuCore VisuCoreWordType VisuCoreByteOrder
##$VisuFGOrderDescDim=2
##$VisuFGOrderDesc=( 2 )
(44, <FG_MOVIE>, <>, 0, 1) (12, <FG_CYCLE>, <>, 1, 0)
##$VisuGroupDepVals=( 2 )
(<VisuFGElemComment>, 0) (<>, 0)
$$ @vis= VisuPixel VisuFGOrderDescDim VisuFGOrderDesc VisuGroupDepVals
##$VisuSubjectName=( 65 )
<GFC_invivo_bGUS_MP422>
##$VisuSubjectId=( 65 )
<GFC_invivo_bGUS_MP422>
##$VisuSubjectBirthDate=( 9 )
<>
##$VisuSubjectSex=FEMALE
$$ @vis= VisuFrameOrderDesc VisuSubjectName VisuSubjectId VisuSubjectBirthDate
##$VisuSubjectComment=( 2048 )
<>
##$VisuStudyUid=( 65 )
<2.16.756.5.5.100.4167689927.19722.1492888762.3175>
##$VisuStudyDate=( 21 )
<12:19:22 22 Apr 2017>
$$ @vis= VisuSubjectSex VisuSubjectComment VisuSubject VisuStudyUid
##$VisuStudyId=( 65 )
<GFC_invivo_bGUS_MP422>
##$VisuStudyNumber=1
##$VisuSubjectWeight=5
##$VisuStudyReferringPhysician=( 65 )
<>
$$ @vis= VisuStudyDate VisuStudyId VisuStudyNumber VisuSubjectWeight
##$VisuStudyDescription=( 65 )
<>
##$VisuSeriesNumber=262145
$$ @vis= VisuStudyReferringPhysician VisuStudyDescription VisuStudy
##$VisuSubjectPosition=Head_Supine
##$VisuSeriesTypeId=( 65 )
<ACQ_USER_PVM>
##$VisuInstitution=( 65 )
<Univ. of Arizona>
$$ @vis= VisuSeriesNumber VisuSubjectPosition VisuSeriesTypeId VisuSeries
##$VisuStation=( 65 )
<Biospec 70/20>
##$VisuAcqDate=( 21 )
<13:12:10 22 Apr 2017>
##$VisuAcqEchoTrainLength=96
$$ @vis= VisuInstitution VisuStation VisuEquipment VisuAcqDate
##$VisuAcqSequenceName=( 40 )
<cESTFISP_SSprep_gate (pvm)>
##$VisuAcqNumberOfAverages=1
##$VisuAcqImagingFrequency=300.243213391629
$$ @vis= VisuAcqEchoTrainLength VisuAcqSequenceName VisuAcqNumberOfAverages
##$VisuAcqImagedNucleus=( 8 )
<1H>
##$VisuAcqRepetitionTime=( 1 )
4.3896
##$VisuAcqPhaseEncSteps=96
$$ @vis= VisuAcqImagingFrequency VisuAcqImagedNucleus VisuAcqRepetitionTime
##$VisuAcqPixelBandwidth=964.506172839506
##$VisuAcqFlipAngle=15
##$VisuAcqSize=( 2 )
96 96
$$ @vis= VisuAcqPhaseEncSteps VisuAcqPixelBandwidth VisuAcqFlipAngle
##$VisuAcqImageSizeAccellerated=No
##$VisuAcqImagePhaseEncDir=( 528 )
col_dir col_dir col_dir col_dir col_dir col_dir col_dir col_dir col_dir 
col_dir col_dir col_dir col_dir col_dir col_dir col_dir col_dir col_dir 
col_dir col_dir col_dir col_dir col_dir col_dir col_dir col_dir col_dir 
col_dir col_dir col_dir col_dir col_dir col_dir col_dir col_dir col_dir 
col_dir col_dir col_dir col_dir col_dir col_dir col_dir col_dir col_dir 
col_dir col_dir col_dir col_dir col_dir col_dir col_dir col_dir col_dir 
col_dir col_dir col_dir col_dir col_dir col_dir col_dir col_dir col_dir 
col_dir col_dir col_dir col_dir col_dir col_dir col_dir col_dir col_dir 
col_dir col_dir col_dir col_dir col_dir col_dir col_dir col_dir col_dir 
col_dir col_dir col_dir col_dir col_dir col_dir col_dir col_dir col_dir 
col_dir col_dir col_dir col_dir col_dir col_dir col_dir col_dir col_dir 
col_dir col_dir col_dir col_dir col_dir col_dir col_dir col_dir col_dir 
col_dir col_dir col_dir col_dir col_dir col_dir col_dir col_dir col_dir 
col_dir col_dir col_dir col_dir col_dir col_dir col_dir col_dir col_dir 
col_dir col_dir col_dir col_dir col_dir col_dir col_dir col_dir col_dir 
col_dir col_dir col_dir col_dir col_dir col_dir col_dir col_dir col_dir 
col_dir col_dir col_dir col_dir col_dir col_dir col_dir col_dir col_dir 
col_dir col_dir col_dir col_dir col_dir col_dir col_dir col_dir col_dir 
col_dir col_dir col_dir col_dir col_dir col_dir col_dir col_dir col_dir 
col_dir col_dir col_dir col_dir col_dir col_dir col_dir col_dir col_dir 
col_dir col_dir col_dir col_dir col_dir col_dir col_dir col_dir col_dir 
col_dir col_dir col_dir col_dir col_dir col_dir col_dir col_dir col_dir 
col_dir col_dir col_dir col_dir col_dir col_dir col_dir col_dir col_dir 
col_dir col_dir col_dir col_dir col_dir col_dir col_dir col_dir col_dir 
col_dir col_dir col_dir col_dir col_dir col_dir col_dir col_dir col_dir 
col_dir col_dir col_dir col_dir col_dir col_dir col_dir col_dir col_dir 
col_dir col_dir col_dir col_dir col_dir col_dir col_dir col_dir col_dir 
col_dir col_dir col_dir col_dir col_dir col_dir col_dir col_dir col_dir 
col_dir col_dir col_dir col_dir col_dir col_dir col_dir col_dir col_dir 
col_dir col_dir col_dir col_dir col_dir col_dir col_dir col_dir col_dir 
col_dir col_dir col_dir col_dir col_dir col_dir col_dir col_dir col_dir 
col_dir col_dir col_dir col_dir col_dir col_dir col_dir col_dir col_dir 
col_dir col_dir col_dir col_dir col_dir col_dir col_dir col_dir col_dir 
col_dir col_dir col_dir col_dir col_dir col_dir col_dir col_dir col_dir 
col_dir col_dir col_dir col_dir col_dir col_dir col_dir col_dir col_dir 
col_dir col_dir col_dir col_dir col_dir col_dir col_dir col_dir col_dir 
col_dir col_dir col_dir col_dir col_dir col_dir col_dir col_dir col_dir 
col_dir col_dir col_dir col_dir col_dir col_dir col_dir col_dir col_dir 
col_dir col_dir col_dir col_dir col_dir col_dir col_dir col_dir col_dir 
col_dir col_dir col_dir col_dir col_dir col_dir col_dir col_dir col_dir 
col_dir col_dir col_dir col_dir col_dir col_dir col_dir col_dir col_dir 
col_dir col_dir col_dir col_dir col_dir col_dir col_dir col_dir col_dir 
col_dir col_dir col_dir col_dir col_dir col_dir col_dir col_dir col_dir 
col_dir col_dir col_dir col_dir col_dir col_dir col_dir col_dir col_dir 
col_dir col_dir col_dir col_dir col_dir col_dir col_dir col_dir col_dir 
col_dir col_dir col_dir col_dir col_dir col_dir col_dir col_dir col_dir 
col_dir col_dir col_dir col_dir col_dir col_dir col_dir col_dir col_dir 
col_dir col_dir col_dir col_dir col_dir col_dir col_dir col_dir col_dir 
col_dir col_dir col_dir col_dir col_dir col_dir col_dir col_dir col_dir 
col_dir col_dir col_dir col_dir col_dir col_dir col_dir col_dir col_dir 
col_dir col_dir col_dir col_dir col_dir col_dir col_dir col_dir col_dir 
col_dir col_dir col_dir col_dir col_dir col_dir col_dir col_dir col_dir 
col_dir col_dir col_dir col_dir col_dir col_dir col_dir col_dir col_dir 
col_dir col_dir col_dir col_dir col_dir col_dir col_dir col_dir col_dir 
col_dir col_dir col_dir col_dir col_dir col_dir col_dir col_dir col_dir 
col_dir col_dir col_dir col_dir col_dir col_dir col_dir col_dir col_dir 
col_dir col_dir col_dir col_dir col_dir col_dir col_dir col_dir col_dir 
col_dir col_dir col_dir col_dir col_dir col_dir col_dir col_dir col_dir 
col_dir col_dir col_dir col_dir col_dir col_dir
##$VisuAcqEchoTime=( 1 )
1.9948
$$ @vis= VisuAcqSize VisuAcqImageSizeAccellerated VisuAcqImagePhaseEncDir
##$VisuAcquisitionProtocol=( 65 )
<POSTinvivoCEST_GFC_20170211(modified)>
##$VisuAcqScanTime=319017
$$ @vis= VisuAcqEchoTime VisuAcquisitionProtocol VisuAcqScanTime
$$ @vis= VisuAcquisition Visu
##END=
